GENERATE-LOAD-SCRIPTS: ON
STORAGE: NONE
RESTRICTION: || (== net46) (== netcoreapp2.1) (== netstandard2.0)
NUGET
  remote: https://www.nuget.org/api/v2
    Argu (5.1) - restriction: || (&& (== net46) (>= net461)) (&& (== net46) (>= netstandard2.0)) (== netcoreapp2.1) (== netstandard2.0)
      FSharp.Core (>= 4.3.2) - restriction: || (&& (== net46) (< net45) (>= netstandard2.0)) (== netcoreapp2.1) (== netstandard2.0)
      System.Configuration.ConfigurationManager (>= 4.4) - restriction: || (&& (== net46) (< net45) (>= netstandard2.0)) (== netcoreapp2.1) (== netstandard2.0)
    Castle.Core (4.3.1)
      NETStandard.Library (>= 1.6.1) - restriction: || (&& (== net46) (< net35)) (== netcoreapp2.1) (== netstandard2.0)
      System.Collections.Specialized (>= 4.3) - restriction: || (&& (== net46) (< net35)) (== netcoreapp2.1) (== netstandard2.0)
      System.ComponentModel (>= 4.3) - restriction: || (&& (== net46) (< net35)) (== netcoreapp2.1) (== netstandard2.0)
      System.ComponentModel.TypeConverter (>= 4.3) - restriction: || (&& (== net46) (< net35)) (== netcoreapp2.1) (== netstandard2.0)
      System.Diagnostics.TraceSource (>= 4.3) - restriction: || (&& (== net46) (< net35)) (== netcoreapp2.1) (== netstandard2.0)
      System.Dynamic.Runtime (>= 4.3) - restriction: || (&& (== net46) (< net35)) (== netcoreapp2.1) (== netstandard2.0)
      System.Reflection (>= 4.3) - restriction: || (&& (== net46) (< net35)) (== netcoreapp2.1) (== netstandard2.0)
      System.Reflection.Emit (>= 4.3) - restriction: || (&& (== net46) (< net35)) (== netcoreapp2.1) (== netstandard2.0)
      System.Reflection.TypeExtensions (>= 4.3) - restriction: || (&& (== net46) (< net35)) (== netcoreapp2.1) (== netstandard2.0)
      System.Xml.XmlDocument (>= 4.3) - restriction: || (&& (== net46) (< net35)) (== netcoreapp2.1) (== netstandard2.0)
    Expecto (8.2.1)
      Argu (>= 5.1) - restriction: || (&& (== net46) (>= net461)) (&& (== net46) (>= netstandard2.0)) (== netcoreapp2.1) (== netstandard2.0)
      Mono.Cecil (>= 0.10) - restriction: || (&& (== net46) (>= net461)) (&& (== net46) (>= netstandard2.0)) (== netcoreapp2.1) (== netstandard2.0)
      System.Diagnostics.FileVersionInfo (>= 4.3) - restriction: || (&& (== net46) (>= netstandard2.0)) (== netcoreapp2.1) (== netstandard2.0)
    Expecto.BenchmarkDotNet (8.2.1)
    Expecto.FsCheck (8.2.1)
      Expecto (>= 8.2.1) - restriction: || (&& (== net46) (>= net461)) (&& (== net46) (>= netstandard2.0)) (== netcoreapp2.1) (== netstandard2.0)
      FsCheck (>= 2.10.4) - restriction: || (&& (== net46) (>= net461)) (&& (== net46) (>= netstandard2.0)) (== netcoreapp2.1) (== netstandard2.0)
    Fable.Core (2.0.0-beta-001)
      FSharp.Core (>= 4.3.4) - restriction: || (&& (== net46) (>= netstandard2.0)) (== netcoreapp2.1) (== netstandard2.0)
    Fable.Elmish (1.0.3)
      Fable.Core (>= 1.3.8) - restriction: || (&& (== net46) (>= netstandard1.6)) (== netcoreapp2.1) (== netstandard2.0)
      Fable.PowerPack (>= 1.3.4) - restriction: || (&& (== net46) (>= netstandard1.6)) (== netcoreapp2.1) (== netstandard2.0)
      FSharp.Core (>= 4.2.3) - restriction: || (&& (== net46) (>= netstandard1.6)) (== netcoreapp2.1) (== netstandard2.0)
    Fable.Elmish.Browser (1.0)
      Fable.Core (>= 1.2.4) - restriction: || (&& (== net46) (>= netstandard1.6)) (== netcoreapp2.1) (== netstandard2.0)
      Fable.Elmish (>= 1.0) - restriction: || (&& (== net46) (>= netstandard1.6)) (== netcoreapp2.1) (== netstandard2.0)
      Fable.Import.Browser (>= 0.1) - restriction: || (&& (== net46) (>= netstandard1.6)) (== netcoreapp2.1) (== netstandard2.0)
      FSharp.Core (>= 4.2.3) - restriction: || (&& (== net46) (>= netstandard1.6)) (== netcoreapp2.1) (== netstandard2.0)
    Fable.Elmish.Debugger (1.0.1)
      Fable.Core (>= 1.3.1) - restriction: || (&& (== net46) (>= netstandard1.6)) (== netcoreapp2.1) (== netstandard2.0)
      Fable.Elmish (>= 1.0) - restriction: || (&& (== net46) (>= netstandard1.6)) (== netcoreapp2.1) (== netstandard2.0)
      FSharp.Core (>= 4.2.3) - restriction: || (&& (== net46) (>= netstandard1.6)) (== netcoreapp2.1) (== netstandard2.0)
    Fable.Elmish.HMR (1.0)
      Fable.Core (>= 1.2.4) - restriction: || (&& (== net46) (>= netstandard1.6)) (== netcoreapp2.1) (== netstandard2.0)
      Fable.Elmish (>= 0.9.2) - restriction: || (&& (== net46) (>= netstandard1.6)) (== netcoreapp2.1) (== netstandard2.0)
      FSharp.Core (>= 4.2.3) - restriction: || (&& (== net46) (>= netstandard1.6)) (== netcoreapp2.1) (== netstandard2.0)
    Fable.Elmish.React (1.0.3)
      Fable.Core (>= 1.3.8) - restriction: || (&& (== net46) (>= netstandard1.6)) (== netcoreapp2.1) (== netstandard2.0)
      Fable.Elmish (>= 1.0.1) - restriction: || (&& (== net46) (>= netstandard1.6)) (== netcoreapp2.1) (== netstandard2.0)
      Fable.PowerPack (>= 1.3.2) - restriction: || (&& (== net46) (>= netstandard1.6)) (== netcoreapp2.1) (== netstandard2.0)
      Fable.React (>= 2.0) - restriction: || (&& (== net46) (>= netstandard1.6)) (== netcoreapp2.1) (== netstandard2.0)
      FSharp.Core (>= 4.2.3) - restriction: || (&& (== net46) (>= netstandard1.6)) (== netcoreapp2.1) (== netstandard2.0)
    Fable.Import.Browser (1.2.0-beta-001) - restriction: || (&& (== net46) (>= netstandard2.0)) (== netcoreapp2.1) (== netstandard2.0)
      Fable.Core (>= 1.1.10) - restriction: || (&& (== net46) (>= netstandard2.0)) (== netcoreapp2.1) (== netstandard2.0)
      FSharp.Core (>= 4.2.3) - restriction: || (&& (== net46) (>= netstandard2.0)) (== netcoreapp2.1) (== netstandard2.0)
    Fable.PowerPack (2.0.0-beta-004)
      Fable.Core (>= 2.0.0-beta-001) - restriction: || (&& (== net46) (>= netstandard2.0)) (== netcoreapp2.1) (== netstandard2.0)
      Fable.Import.Browser (>= 1.2.0-beta-001) - restriction: || (&& (== net46) (>= netstandard2.0)) (== netcoreapp2.1) (== netstandard2.0)
      FSharp.Core (>= 4.5.2) - restriction: || (&& (== net46) (>= netstandard2.0)) (== netcoreapp2.1) (== netstandard2.0)
      Thoth.Json (>= 2.0.0-beta-004) - restriction: || (&& (== net46) (>= netstandard2.0)) (== netcoreapp2.1) (== netstandard2.0)
    Fable.React (4.0.0-alpha-001)
      Fable.Core (>= 2.0.0-alpha-006) - restriction: || (&& (== net46) (>= netstandard2.0)) (== netcoreapp2.1) (== netstandard2.0)
      Fable.Import.Browser (>= 1.1.1) - restriction: || (&& (== net46) (>= netstandard2.0)) (== netcoreapp2.1) (== netstandard2.0)
      FSharp.Core (>= 4.3.4) - restriction: || (&& (== net46) (>= netstandard2.0)) (== netcoreapp2.1) (== netstandard2.0)
    FParsec (1.0.3)
      FSharp.Core (>= 4.0.0.1) - restriction: || (== net46) (&& (== netcoreapp2.1) (>= net40)) (&& (== netstandard2.0) (>= net40))
      FSharp.Core (>= 4.2.3) - restriction: || (&& (== net46) (< net40) (>= netstandard1.6)) (== netcoreapp2.1) (== netstandard2.0)
      NETStandard.Library (>= 1.6.1) - restriction: || (&& (== net46) (< net40) (>= netstandard1.6)) (== netcoreapp2.1) (== netstandard2.0)
    FsCheck (2.11) - restriction: || (&& (== net46) (>= net461)) (&& (== net46) (>= netstandard2.0)) (== netcoreapp2.1) (== netstandard2.0)
      FSharp.Core (>= 4.3.4) - restriction: || (&& (== net46) (< net452) (>= netstandard1.6)) (== netcoreapp2.1) (== netstandard2.0)
      NETStandard.Library (>= 1.6.1) - restriction: || (&& (== net46) (< net452) (>= netstandard1.6)) (== netcoreapp2.1) (== netstandard2.0)
      System.ValueTuple (>= 4.5) - restriction: || (&& (== net46) (< net452) (>= netstandard1.6)) (== netcoreapp2.1) (== netstandard2.0)
    FSharp.Compiler.Service (2.0.0.6)
    FSharp.Core (4.5.2) - redirects: force
    FSharp.Formatting (2.14.4)
      FSharp.Compiler.Service (2.0.0.6)
      FSharpVSPowerTools.Core (>= 2.3 < 2.4)
    FSharpVSPowerTools.Core (2.3)
      FSharp.Compiler.Service (>= 2.0.0.3)
    Hopac (0.3.23)
      FSharp.Core (>= 3.1.2.5) - restriction: || (== net46) (&& (== netcoreapp2.1) (< netstandard1.6)) (&& (== netstandard2.0) (< netstandard1.6))
      FSharp.Core (>= 4.0.1.7-alpha) - restriction: || (&& (== net46) (>= netstandard1.6)) (== netcoreapp2.1) (== netstandard2.0)
      NETStandard.Library (>= 1.6) - restriction: || (&& (== net46) (>= netstandard1.6)) (== netcoreapp2.1) (== netstandard2.0)
    Logary (4.2.1)
      FParsec (>= 1.0.2)
      FSharp.Core (>= 4.0.0.1)
      Hopac (>= 0.3.23)
      NodaTime (>= 1.3.2)
    Logary.Adapters.Facade (4.2.1)
      Castle.Core (>= 3.3.3)
      FSharp.Core (>= 4.0.0.1)
      Hopac (>= 0.3.23)
      Logary (>= 4.2.1)
      NodaTime (>= 1.3.2)
    Microsoft.NETCore.Platforms (2.1) - restriction: || (&& (== net46) (< net35)) (&& (== net46) (< netstandard1.3) (>= netstandard2.0)) (== netcoreapp2.1) (== netstandard2.0)
    Microsoft.NETCore.Targets (2.1) - restriction: || (&& (== net46) (< net35)) (== netcoreapp2.1) (== netstandard2.0)
    Mono.Cecil (0.10) - restriction: || (&& (== net46) (>= net461)) (&& (== net46) (>= netstandard2.0)) (== netcoreapp2.1) (== netstandard2.0)
      System.Collections (>= 4.0.11) - restriction: || (&& (== net46) (< net35)) (== netcoreapp2.1) (== netstandard2.0)
      System.IO.FileSystem (>= 4.0.1) - restriction: || (&& (== net46) (< net35)) (== netcoreapp2.1) (== netstandard2.0)
      System.IO.FileSystem.Primitives (>= 4.0.1) - restriction: || (&& (== net46) (< net35)) (== netcoreapp2.1) (== netstandard2.0)
      System.Reflection (>= 4.1) - restriction: || (&& (== net46) (< net35)) (== netcoreapp2.1) (== netstandard2.0)
      System.Runtime.Extensions (>= 4.1) - restriction: || (&& (== net46) (< net35)) (== netcoreapp2.1) (== netstandard2.0)
      System.Security.Cryptography.Algorithms (>= 4.2) - restriction: || (&& (== net46) (< net35)) (== netcoreapp2.1) (== netstandard2.0)
      System.Security.Cryptography.Csp (>= 4.0) - restriction: || (&& (== net46) (< net35)) (== netcoreapp2.1) (== netstandard2.0)
      System.Threading (>= 4.0.11) - restriction: || (&& (== net46) (< net35)) (== netcoreapp2.1) (== netstandard2.0)
    NETStandard.Library (2.0.3) - restriction: || (&& (== net46) (< net35)) (== netcoreapp2.1) (== netstandard2.0)
      Microsoft.NETCore.Platforms (>= 1.1)
    NodaTime (2.3)
      NETStandard.Library (>= 1.6.1) - restriction: || (&& (== net46) (< net45)) (== netcoreapp2.1) (== netstandard2.0)
      System.Runtime.Serialization.Xml (>= 4.1.1) - restriction: || (&& (== net46) (< net45)) (== netcoreapp2.1) (== netstandard2.0)
    runtime.debian.8-x64.runtime.native.System.Security.Cryptography.OpenSsl (4.3.3) - restriction: || (&& (== net46) (< net35) (>= net461) (>= netstandard1.6)) (&& (== net46) (< net35) (>= netstandard2.0)) (== netcoreapp2.1) (== netstandard2.0)
    runtime.debian.9-x64.runtime.native.System.Security.Cryptography.OpenSsl (4.3.3) - restriction: || (&& (== net46) (< net35) (>= net461) (>= netstandard1.6)) (&& (== net46) (< net35) (>= netstandard2.0)) (== netcoreapp2.1) (== netstandard2.0)
    runtime.fedora.23-x64.runtime.native.System.Security.Cryptography.OpenSsl (4.3.3) - restriction: || (&& (== net46) (< net35) (>= net461) (>= netstandard1.6)) (&& (== net46) (< net35) (>= netstandard2.0)) (== netcoreapp2.1) (== netstandard2.0)
    runtime.fedora.24-x64.runtime.native.System.Security.Cryptography.OpenSsl (4.3.3) - restriction: || (&& (== net46) (< net35) (>= net461) (>= netstandard1.6)) (&& (== net46) (< net35) (>= netstandard2.0)) (== netcoreapp2.1) (== netstandard2.0)
    runtime.fedora.27-x64.runtime.native.System.Security.Cryptography.OpenSsl (4.3.3) - restriction: || (&& (== net46) (< net35) (>= net461) (>= netstandard1.6)) (&& (== net46) (< net35) (>= netstandard2.0)) (== netcoreapp2.1) (== netstandard2.0)
    runtime.fedora.28-x64.runtime.native.System.Security.Cryptography.OpenSsl (4.3.3) - restriction: || (&& (== net46) (< net35) (>= net461) (>= netstandard1.6)) (&& (== net46) (< net35) (>= netstandard2.0)) (== netcoreapp2.1) (== netstandard2.0)
    runtime.native.System (4.3.1) - restriction: || (&& (== net46) (< net35)) (== netcoreapp2.1) (== netstandard2.0)
      Microsoft.NETCore.Platforms (>= 1.1.1)
      Microsoft.NETCore.Targets (>= 1.1.3)
    runtime.native.System.Security.Cryptography.Apple (4.3.1) - restriction: || (&& (== net46) (< net35) (>= net461) (>= netstandard1.6)) (&& (== net46) (< net35) (>= netstandard2.0)) (== netcoreapp2.1) (== netstandard2.0)
      runtime.osx.10.10-x64.runtime.native.System.Security.Cryptography.Apple (>= 4.3.1)
    runtime.native.System.Security.Cryptography.OpenSsl (4.3.3) - restriction: || (&& (== net46) (< net35) (>= net461) (>= netstandard1.6)) (&& (== net46) (< net35) (>= netstandard2.0)) (== netcoreapp2.1) (== netstandard2.0)
      runtime.debian.8-x64.runtime.native.System.Security.Cryptography.OpenSsl (>= 4.3.3)
      runtime.debian.9-x64.runtime.native.System.Security.Cryptography.OpenSsl (>= 4.3.3)
      runtime.fedora.23-x64.runtime.native.System.Security.Cryptography.OpenSsl (>= 4.3.3)
      runtime.fedora.24-x64.runtime.native.System.Security.Cryptography.OpenSsl (>= 4.3.3)
      runtime.fedora.27-x64.runtime.native.System.Security.Cryptography.OpenSsl (>= 4.3.3)
      runtime.fedora.28-x64.runtime.native.System.Security.Cryptography.OpenSsl (>= 4.3.3)
      runtime.opensuse.13.2-x64.runtime.native.System.Security.Cryptography.OpenSsl (>= 4.3.3)
      runtime.opensuse.42.1-x64.runtime.native.System.Security.Cryptography.OpenSsl (>= 4.3.3)
      runtime.opensuse.42.3-x64.runtime.native.System.Security.Cryptography.OpenSsl (>= 4.3.3)
      runtime.osx.10.10-x64.runtime.native.System.Security.Cryptography.OpenSsl (>= 4.3.3)
      runtime.rhel.7-x64.runtime.native.System.Security.Cryptography.OpenSsl (>= 4.3.3)
      runtime.ubuntu.14.04-x64.runtime.native.System.Security.Cryptography.OpenSsl (>= 4.3.3)
      runtime.ubuntu.16.04-x64.runtime.native.System.Security.Cryptography.OpenSsl (>= 4.3.3)
      runtime.ubuntu.16.10-x64.runtime.native.System.Security.Cryptography.OpenSsl (>= 4.3.3)
      runtime.ubuntu.18.04-x64.runtime.native.System.Security.Cryptography.OpenSsl (>= 4.3.3)
    runtime.opensuse.13.2-x64.runtime.native.System.Security.Cryptography.OpenSsl (4.3.3) - restriction: || (&& (== net46) (< net35) (>= net461) (>= netstandard1.6)) (&& (== net46) (< net35) (>= netstandard2.0)) (== netcoreapp2.1) (== netstandard2.0)
    runtime.opensuse.42.1-x64.runtime.native.System.Security.Cryptography.OpenSsl (4.3.3) - restriction: || (&& (== net46) (< net35) (>= net461) (>= netstandard1.6)) (&& (== net46) (< net35) (>= netstandard2.0)) (== netcoreapp2.1) (== netstandard2.0)
    runtime.opensuse.42.3-x64.runtime.native.System.Security.Cryptography.OpenSsl (4.3.3) - restriction: || (&& (== net46) (< net35) (>= net461) (>= netstandard1.6)) (&& (== net46) (< net35) (>= netstandard2.0)) (== netcoreapp2.1) (== netstandard2.0)
    runtime.osx.10.10-x64.runtime.native.System.Security.Cryptography.Apple (4.3.1) - restriction: || (&& (== net46) (< net35) (>= net461) (>= netstandard1.6)) (&& (== net46) (< net35) (>= netstandard2.0)) (== netcoreapp2.1) (== netstandard2.0)
    runtime.osx.10.10-x64.runtime.native.System.Security.Cryptography.OpenSsl (4.3.3) - restriction: || (&& (== net46) (< net35) (>= net461) (>= netstandard1.6)) (&& (== net46) (< net35) (>= netstandard2.0)) (== netcoreapp2.1) (== netstandard2.0)
    runtime.rhel.7-x64.runtime.native.System.Security.Cryptography.OpenSsl (4.3.3) - restriction: || (&& (== net46) (< net35) (>= net461) (>= netstandard1.6)) (&& (== net46) (< net35) (>= netstandard2.0)) (== netcoreapp2.1) (== netstandard2.0)
    runtime.ubuntu.14.04-x64.runtime.native.System.Security.Cryptography.OpenSsl (4.3.3) - restriction: || (&& (== net46) (< net35) (>= net461) (>= netstandard1.6)) (&& (== net46) (< net35) (>= netstandard2.0)) (== netcoreapp2.1) (== netstandard2.0)
    runtime.ubuntu.16.04-x64.runtime.native.System.Security.Cryptography.OpenSsl (4.3.3) - restriction: || (&& (== net46) (< net35) (>= net461) (>= netstandard1.6)) (&& (== net46) (< net35) (>= netstandard2.0)) (== netcoreapp2.1) (== netstandard2.0)
    runtime.ubuntu.16.10-x64.runtime.native.System.Security.Cryptography.OpenSsl (4.3.3) - restriction: || (&& (== net46) (< net35) (>= net461) (>= netstandard1.6)) (&& (== net46) (< net35) (>= netstandard2.0)) (== netcoreapp2.1) (== netstandard2.0)
    runtime.ubuntu.18.04-x64.runtime.native.System.Security.Cryptography.OpenSsl (4.3.3) - restriction: || (&& (== net46) (< net35) (>= net461) (>= netstandard1.6)) (&& (== net46) (< net35) (>= netstandard2.0)) (== netcoreapp2.1) (== netstandard2.0)
    System.Buffers (4.5) - restriction: || (&& (== net46) (== netcoreapp2.1)) (&& (== net46) (>= monoandroid) (>= netstandard2.0)) (&& (== net46) (>= monotouch) (>= netstandard2.0)) (&& (== net46) (< net45) (>= netstandard2.0)) (&& (== net46) (< netstandard1.1) (>= netstandard2.0)) (&& (== net46) (>= netstandard2.0) (>= wpa81)) (&& (== net46) (>= netstandard2.0) (>= xamarinios)) (&& (== net46) (>= netstandard2.0) (>= xamarinmac)) (&& (== net46) (>= netstandard2.0) (>= xamarintvos)) (&& (== net46) (>= netstandard2.0) (>= xamarinwatchos)) (== netstandard2.0)
    System.Collections (4.3) - restriction: || (&& (== net46) (< net35)) (&& (== net46) (< net45) (>= netstandard1.6)) (&& (== net46) (< portable-net45+win8+wp8+wpa81)) (== netcoreapp2.1) (== netstandard2.0)
      Microsoft.NETCore.Platforms (>= 1.1) - restriction: || (&& (== net46) (< net45)) (&& (== net46) (< portable-net45+win8+wp8+wpa81)) (== netcoreapp2.1) (== netstandard2.0)
      Microsoft.NETCore.Targets (>= 1.1) - restriction: || (&& (== net46) (< net45)) (&& (== net46) (< portable-net45+win8+wp8+wpa81)) (== netcoreapp2.1) (== netstandard2.0)
      System.Runtime (>= 4.3) - restriction: || (&& (== net46) (< net45)) (&& (== net46) (< portable-net45+win8+wp8+wpa81)) (== netcoreapp2.1) (== netstandard2.0)
    System.Collections.Concurrent (4.3) - restriction: || (&& (== net46) (< net45)) (&& (== net46) (< portable-net45+win8+wp8+wpa81)) (== netcoreapp2.1) (== netstandard2.0)
      System.Collections (>= 4.3) - restriction: || (&& (== net46) (< net45)) (&& (== net46) (< portable-net45+win8+wpa81)) (== netcoreapp2.1) (== netstandard2.0)
      System.Diagnostics.Debug (>= 4.3) - restriction: || (&& (== net46) (< net45)) (&& (== net46) (< portable-net45+win8+wpa81)) (== netcoreapp2.1) (== netstandard2.0)
      System.Diagnostics.Tracing (>= 4.3) - restriction: || (&& (== net46) (< net45)) (&& (== net46) (< portable-net45+win8+wpa81)) (== netcoreapp2.1) (== netstandard2.0)
      System.Globalization (>= 4.3) - restriction: || (&& (== net46) (< net45)) (&& (== net46) (< portable-net45+win8+wpa81)) (== netcoreapp2.1) (== netstandard2.0)
      System.Reflection (>= 4.3) - restriction: || (&& (== net46) (< net45)) (== netcoreapp2.1) (== netstandard2.0)
      System.Resources.ResourceManager (>= 4.3) - restriction: || (&& (== net46) (< net45)) (&& (== net46) (< portable-net45+win8+wpa81)) (== netcoreapp2.1) (== netstandard2.0)
      System.Runtime (>= 4.3) - restriction: || (&& (== net46) (< net45)) (&& (== net46) (< portable-net45+win8+wpa81)) (== netcoreapp2.1) (== netstandard2.0)
      System.Runtime.Extensions (>= 4.3) - restriction: || (&& (== net46) (< net45)) (&& (== net46) (< portable-net45+win8+wpa81)) (== netcoreapp2.1) (== netstandard2.0)
      System.Threading (>= 4.3) - restriction: || (&& (== net46) (< net45)) (&& (== net46) (< portable-net45+win8+wpa81)) (== netcoreapp2.1) (== netstandard2.0)
      System.Threading.Tasks (>= 4.3) - restriction: || (&& (== net46) (< net45)) (&& (== net46) (< portable-net45+win8+wpa81)) (== netcoreapp2.1) (== netstandard2.0)
    System.Collections.Immutable (1.5) - restriction: || (&& (== net46) (== netcoreapp2.1)) (&& (== net46) (< netstandard1.1) (>= netstandard2.0)) (&& (== net46) (< netstandard1.3) (>= netstandard2.0)) (&& (== netcoreapp2.1) (>= net45)) (&& (== netcoreapp2.1) (< netstandard1.1)) (&& (== netcoreapp2.1) (< netstandard2.0)) (== netstandard2.0)
    System.Collections.NonGeneric (4.3) - restriction: || (&& (== net46) (< net35)) (== netcoreapp2.1) (== netstandard2.0)
      System.Diagnostics.Debug (>= 4.3) - restriction: || (== netcoreapp2.1) (== netstandard2.0)
      System.Globalization (>= 4.3) - restriction: || (== netcoreapp2.1) (== netstandard2.0)
      System.Resources.ResourceManager (>= 4.3) - restriction: || (== netcoreapp2.1) (== netstandard2.0)
      System.Runtime (>= 4.3) - restriction: || (== netcoreapp2.1) (== netstandard2.0)
      System.Runtime.Extensions (>= 4.3) - restriction: || (== netcoreapp2.1) (== netstandard2.0)
      System.Threading (>= 4.3) - restriction: || (== netcoreapp2.1) (== netstandard2.0)
    System.Collections.Specialized (4.3) - restriction: || (&& (== net46) (< net35)) (== netcoreapp2.1) (== netstandard2.0)
      System.Collections.NonGeneric (>= 4.3) - restriction: || (== netcoreapp2.1) (== netstandard2.0)
      System.Globalization (>= 4.3) - restriction: || (== netcoreapp2.1) (== netstandard2.0)
      System.Globalization.Extensions (>= 4.3) - restriction: || (== netcoreapp2.1) (== netstandard2.0)
      System.Resources.ResourceManager (>= 4.3) - restriction: || (== netcoreapp2.1) (== netstandard2.0)
      System.Runtime (>= 4.3) - restriction: || (== netcoreapp2.1) (== netstandard2.0)
      System.Runtime.Extensions (>= 4.3) - restriction: || (== netcoreapp2.1) (== netstandard2.0)
      System.Threading (>= 4.3) - restriction: || (== netcoreapp2.1) (== netstandard2.0)
    System.ComponentModel (4.3) - restriction: || (&& (== net46) (< net35)) (== netcoreapp2.1) (== netstandard2.0)
      System.Runtime (>= 4.3) - restriction: || (&& (== net46) (< net45)) (&& (== net46) (< portable-net45+win8+wp8+wpa81)) (== netcoreapp2.1) (== netstandard2.0)
    System.ComponentModel.Primitives (4.3) - restriction: || (&& (== net46) (< net35)) (&& (== net46) (< netstandard1.0) (>= win8)) (&& (== net46) (>= wp8)) (&& (== net46) (>= wpa81)) (== netcoreapp2.1) (== netstandard2.0)
      System.ComponentModel (>= 4.3) - restriction: || (&& (== net46) (< net45)) (== netcoreapp2.1) (== netstandard2.0)
      System.Resources.ResourceManager (>= 4.3) - restriction: || (&& (== net46) (< net45)) (== netcoreapp2.1) (== netstandard2.0)
      System.Runtime (>= 4.3) - restriction: || (&& (== net46) (< net45)) (== netcoreapp2.1) (== netstandard2.0)
    System.ComponentModel.TypeConverter (4.3) - restriction: || (&& (== net46) (< net35)) (== netcoreapp2.1) (== netstandard2.0)
      System.Collections (>= 4.3) - restriction: || (&& (== net46) (< net45)) (== netcoreapp2.1) (== netstandard2.0)
      System.Collections.NonGeneric (>= 4.3) - restriction: || (&& (== net46) (< net45) (>= netstandard1.5)) (&& (== net46) (>= net462)) (== netcoreapp2.1) (== netstandard2.0)
      System.Collections.Specialized (>= 4.3) - restriction: || (&& (== net46) (< net45) (>= netstandard1.5)) (== netcoreapp2.1) (== netstandard2.0)
      System.ComponentModel (>= 4.3) - restriction: || (&& (== net46) (< net45)) (== netcoreapp2.1) (== netstandard2.0)
      System.ComponentModel.Primitives (>= 4.3)
      System.Globalization (>= 4.3) - restriction: || (&& (== net46) (< net45)) (== netcoreapp2.1) (== netstandard2.0)
      System.Linq (>= 4.3) - restriction: || (&& (== net46) (< net45) (>= netstandard1.5)) (== netcoreapp2.1) (== netstandard2.0)
      System.Reflection (>= 4.3) - restriction: || (&& (== net46) (< net45)) (== netcoreapp2.1) (== netstandard2.0)
      System.Reflection.Extensions (>= 4.3) - restriction: || (&& (== net46) (< net45)) (== netcoreapp2.1) (== netstandard2.0)
      System.Reflection.Primitives (>= 4.3) - restriction: || (&& (== net46) (< net45)) (== netcoreapp2.1) (== netstandard2.0)
      System.Reflection.TypeExtensions (>= 4.3) - restriction: || (&& (== net46) (< net45) (>= netstandard1.5)) (== netcoreapp2.1) (== netstandard2.0)
      System.Resources.ResourceManager (>= 4.3) - restriction: || (&& (== net46) (< net45)) (== netcoreapp2.1) (== netstandard2.0)
      System.Runtime (>= 4.3) - restriction: || (&& (== net46) (< net45)) (== netcoreapp2.1) (== netstandard2.0)
      System.Runtime.Extensions (>= 4.3) - restriction: || (&& (== net46) (< net45)) (== netcoreapp2.1) (== netstandard2.0)
      System.Threading (>= 4.3) - restriction: || (&& (== net46) (< net45)) (== netcoreapp2.1) (== netstandard2.0)
    System.Configuration.ConfigurationManager (4.5) - restriction: || (&& (== net46) (< net45) (>= netstandard2.0)) (== netcoreapp2.1) (== netstandard2.0)
      System.Security.Cryptography.ProtectedData (>= 4.5) - restriction: || (&& (== net46) (>= netstandard2.0)) (== netcoreapp2.1) (== netstandard2.0)
      System.Security.Permissions (>= 4.5) - restriction: || (&& (== net46) (>= monoandroid)) (&& (== net46) (>= monotouch)) (&& (== net46) (>= net461)) (&& (== net46) (>= netstandard2.0)) (&& (== net46) (>= xamarinios)) (&& (== net46) (>= xamarinmac)) (&& (== net46) (>= xamarintvos)) (&& (== net46) (>= xamarinwatchos)) (== netcoreapp2.1) (== netstandard2.0)
    System.Diagnostics.Debug (4.3) - restriction: || (&& (== net46) (< net35)) (== netcoreapp2.1) (== netstandard2.0)
      Microsoft.NETCore.Platforms (>= 1.1) - restriction: || (&& (== net46) (< net45)) (&& (== net46) (< portable-net45+win8+wp8+wpa81)) (== netcoreapp2.1) (== netstandard2.0)
      Microsoft.NETCore.Targets (>= 1.1) - restriction: || (&& (== net46) (< net45)) (&& (== net46) (< portable-net45+win8+wp8+wpa81)) (== netcoreapp2.1) (== netstandard2.0)
      System.Runtime (>= 4.3) - restriction: || (&& (== net46) (< net45)) (&& (== net46) (< portable-net45+win8+wp8+wpa81)) (== netcoreapp2.1) (== netstandard2.0)
    System.Diagnostics.FileVersionInfo (4.3) - restriction: || (&& (== net46) (>= netstandard2.0)) (== netcoreapp2.1) (== netstandard2.0)
      Microsoft.NETCore.Platforms (>= 1.1) - restriction: || (&& (== net46) (< netstandard1.3)) (== netcoreapp2.1) (== netstandard2.0)
      System.Globalization (>= 4.3) - restriction: || (== netcoreapp2.1) (== netstandard2.0)
      System.IO (>= 4.3) - restriction: || (&& (== net46) (< netstandard1.3)) (== netcoreapp2.1) (== netstandard2.0)
      System.IO.FileSystem (>= 4.3) - restriction: || (&& (== net46) (< netstandard1.3)) (== netcoreapp2.1) (== netstandard2.0)
      System.IO.FileSystem.Primitives (>= 4.3) - restriction: || (&& (== net46) (< netstandard1.3)) (== netcoreapp2.1) (== netstandard2.0)
      System.Reflection.Metadata (>= 1.4.1) - restriction: || (&& (== net46) (< netstandard1.3)) (== netcoreapp2.1) (== netstandard2.0)
      System.Runtime (>= 4.3) - restriction: || (&& (== net46) (< netstandard1.3)) (== netcoreapp2.1) (== netstandard2.0)
      System.Runtime.Extensions (>= 4.3) - restriction: || (&& (== net46) (< netstandard1.3)) (== netcoreapp2.1) (== netstandard2.0)
      System.Runtime.InteropServices (>= 4.3) - restriction: || (== netcoreapp2.1) (== netstandard2.0)
    System.Diagnostics.Tools (4.3) - restriction: || (&& (== net46) (< net45)) (&& (== net46) (< portable-net45+win8+wp8+wpa81)) (== netcoreapp2.1) (== netstandard2.0)
      Microsoft.NETCore.Platforms (>= 1.1) - restriction: || (&& (== net46) (< net45)) (&& (== net46) (< portable-net45+win8+wp8+wpa81)) (== netcoreapp2.1) (== netstandard2.0)
      Microsoft.NETCore.Targets (>= 1.1) - restriction: || (&& (== net46) (< net45)) (&& (== net46) (< portable-net45+win8+wp8+wpa81)) (== netcoreapp2.1) (== netstandard2.0)
      System.Runtime (>= 4.3) - restriction: || (&& (== net46) (< net45)) (&& (== net46) (< portable-net45+win8+wp8+wpa81)) (== netcoreapp2.1) (== netstandard2.0)
    System.Diagnostics.TraceSource (4.3) - restriction: || (&& (== net46) (< net35)) (== netcoreapp2.1) (== netstandard2.0)
      Microsoft.NETCore.Platforms (>= 1.1) - restriction: || (== netcoreapp2.1) (== netstandard2.0)
      runtime.native.System (>= 4.3) - restriction: || (== netcoreapp2.1) (== netstandard2.0)
      System.Collections (>= 4.3) - restriction: || (== netcoreapp2.1) (== netstandard2.0)
      System.Diagnostics.Debug (>= 4.3) - restriction: || (== netcoreapp2.1) (== netstandard2.0)
      System.Globalization (>= 4.3) - restriction: || (== netcoreapp2.1) (== netstandard2.0)
      System.Resources.ResourceManager (>= 4.3) - restriction: || (== netcoreapp2.1) (== netstandard2.0)
      System.Runtime (>= 4.3) - restriction: || (== netcoreapp2.1) (== netstandard2.0)
      System.Runtime.Extensions (>= 4.3) - restriction: || (== netcoreapp2.1) (== netstandard2.0)
      System.Threading (>= 4.3) - restriction: || (== netcoreapp2.1) (== netstandard2.0)
    System.Diagnostics.Tracing (4.3) - restriction: || (&& (== net46) (< net45)) (&& (== net46) (< portable-net45+win8+wp8+wpa81)) (&& (== net46) (< portable-net45+win8+wpa81)) (== netcoreapp2.1) (== netstandard2.0)
      Microsoft.NETCore.Platforms (>= 1.1) - restriction: || (&& (== net46) (< net45)) (&& (== net46) (< portable-net45+win8+wpa81)) (== netcoreapp2.1) (== netstandard2.0)
      Microsoft.NETCore.Targets (>= 1.1) - restriction: || (&& (== net46) (< net45)) (&& (== net46) (< portable-net45+win8+wpa81)) (== netcoreapp2.1) (== netstandard2.0)
      System.Runtime (>= 4.3) - restriction: || (&& (== net46) (< net45)) (&& (== net46) (< portable-net45+win8+wpa81)) (== netcoreapp2.1) (== netstandard2.0)
    System.Dynamic.Runtime (4.3) - restriction: || (&& (== net46) (< net35)) (== netcoreapp2.1) (== netstandard2.0)
      System.Collections (>= 4.3) - restriction: || (&& (== net46) (< net45)) (&& (== net46) (< portable-net45+win8+wp8+wpa81)) (== netcoreapp2.1) (== netstandard2.0)
      System.Diagnostics.Debug (>= 4.3) - restriction: || (&& (== net46) (< net45)) (&& (== net46) (< portable-net45+win8+wp8+wpa81)) (== netcoreapp2.1) (== netstandard2.0)
      System.Linq (>= 4.3) - restriction: || (&& (== net46) (< net45)) (&& (== net46) (< portable-net45+win8+wp8+wpa81)) (== netcoreapp2.1) (== netstandard2.0)
      System.Linq.Expressions (>= 4.3) - restriction: || (&& (== net46) (< net45)) (&& (== net46) (< portable-net45+win8+wp8+wpa81)) (== netcoreapp2.1) (== netstandard2.0)
      System.ObjectModel (>= 4.3) - restriction: || (&& (== net46) (< net45)) (&& (== net46) (< portable-net45+win8+wp8+wpa81)) (== netcoreapp2.1) (== netstandard2.0)
      System.Reflection (>= 4.3) - restriction: || (&& (== net46) (< net45)) (&& (== net46) (< portable-net45+win8+wp8+wpa81)) (== netcoreapp2.1) (== netstandard2.0)
      System.Reflection.Emit (>= 4.3) - restriction: || (&& (== net46) (< net45)) (== netcoreapp2.1) (== netstandard2.0)
      System.Reflection.Emit.ILGeneration (>= 4.3) - restriction: || (&& (== net46) (< net45)) (== netcoreapp2.1) (== netstandard2.0)
      System.Reflection.Primitives (>= 4.3) - restriction: || (&& (== net46) (< net45)) (== netcoreapp2.1) (== netstandard2.0)
      System.Reflection.TypeExtensions (>= 4.3) - restriction: || (&& (== net46) (< net45)) (&& (== net46) (< portable-net45+win8+wp8+wpa81)) (== netcoreapp2.1) (== netstandard2.0)
      System.Resources.ResourceManager (>= 4.3) - restriction: || (&& (== net46) (< net45)) (&& (== net46) (< portable-net45+win8+wp8+wpa81)) (== netcoreapp2.1) (== netstandard2.0)
      System.Runtime (>= 4.3) - restriction: || (&& (== net46) (< net45)) (&& (== net46) (< portable-net45+win8+wp8+wpa81)) (== netcoreapp2.1) (== netstandard2.0)
      System.Runtime.Extensions (>= 4.3) - restriction: || (&& (== net46) (< net45)) (&& (== net46) (< portable-net45+win8+wp8+wpa81)) (== netcoreapp2.1) (== netstandard2.0)
      System.Threading (>= 4.3) - restriction: || (&& (== net46) (< net45)) (&& (== net46) (< portable-net45+win8+wp8+wpa81)) (== netcoreapp2.1) (== netstandard2.0)
    System.Globalization (4.3) - restriction: || (&& (== net46) (< net45) (>= netstandard1.6)) (&& (== net46) (< portable-net45+win8+wp8+wpa81)) (== netcoreapp2.1) (== netstandard2.0)
      Microsoft.NETCore.Platforms (>= 1.1) - restriction: || (&& (== net46) (< net45)) (&& (== net46) (< portable-net45+win8+wp8+wpa81)) (== netcoreapp2.1) (== netstandard2.0)
      Microsoft.NETCore.Targets (>= 1.1) - restriction: || (&& (== net46) (< net45)) (&& (== net46) (< portable-net45+win8+wp8+wpa81)) (== netcoreapp2.1) (== netstandard2.0)
      System.Runtime (>= 4.3) - restriction: || (&& (== net46) (< net45)) (&& (== net46) (< portable-net45+win8+wp8+wpa81)) (== netcoreapp2.1) (== netstandard2.0)
    System.Globalization.Extensions (4.3) - restriction: || (&& (== net46) (< net35)) (== netcoreapp2.1) (== netstandard2.0)
      Microsoft.NETCore.Platforms (>= 1.1) - restriction: || (== netcoreapp2.1) (== netstandard2.0)
      System.Globalization (>= 4.3) - restriction: || (== netcoreapp2.1) (== netstandard2.0)
      System.Resources.ResourceManager (>= 4.3) - restriction: || (== netcoreapp2.1) (== netstandard2.0)
      System.Runtime (>= 4.3) - restriction: || (== netcoreapp2.1) (== netstandard2.0)
      System.Runtime.Extensions (>= 4.3) - restriction: || (== netcoreapp2.1) (== netstandard2.0)
      System.Runtime.InteropServices (>= 4.3) - restriction: || (== netcoreapp2.1) (== netstandard2.0)
    System.IO (4.3) - restriction: || (&& (== net46) (< netstandard1.3) (>= netstandard2.0)) (== netcoreapp2.1) (== netstandard2.0)
      Microsoft.NETCore.Platforms (>= 1.1) - restriction: || (&& (== net46) (< net45)) (&& (== net46) (< portable-net45+win8+wp8+wpa81)) (== netcoreapp2.1) (== netstandard2.0)
      Microsoft.NETCore.Targets (>= 1.1) - restriction: || (&& (== net46) (< net45)) (&& (== net46) (< portable-net45+win8+wp8+wpa81)) (== netcoreapp2.1) (== netstandard2.0)
      System.Runtime (>= 4.3) - restriction: || (&& (== net46) (< net45)) (&& (== net46) (< portable-net45+win8+wp8+wpa81)) (== netcoreapp2.1) (== netstandard2.0)
      System.Text.Encoding (>= 4.3) - restriction: || (&& (== net46) (< net45)) (&& (== net46) (< portable-net45+win8+wp8+wpa81)) (== netcoreapp2.1) (== netstandard2.0)
      System.Threading.Tasks (>= 4.3) - restriction: || (&& (== net46) (< net45)) (&& (== net46) (< portable-net45+win8+wp8+wpa81)) (== netcoreapp2.1) (== netstandard2.0)
    System.IO.FileSystem (4.3) - restriction: || (&& (== net46) (< netstandard1.3) (>= netstandard2.0)) (== netcoreapp2.1) (== netstandard2.0)
      Microsoft.NETCore.Platforms (>= 1.1) - restriction: || (== netcoreapp2.1) (== netstandard2.0)
      Microsoft.NETCore.Targets (>= 1.1) - restriction: || (== netcoreapp2.1) (== netstandard2.0)
      System.IO (>= 4.3) - restriction: || (== netcoreapp2.1) (== netstandard2.0)
      System.IO.FileSystem.Primitives (>= 4.3)
      System.Runtime (>= 4.3) - restriction: || (== netcoreapp2.1) (== netstandard2.0)
      System.Runtime.Handles (>= 4.3) - restriction: || (== netcoreapp2.1) (== netstandard2.0)
      System.Text.Encoding (>= 4.3) - restriction: || (== netcoreapp2.1) (== netstandard2.0)
      System.Threading.Tasks (>= 4.3) - restriction: || (== netcoreapp2.1) (== netstandard2.0)
    System.IO.FileSystem.Primitives (4.3) - restriction: || (&& (== net46) (< netstandard1.3) (>= netstandard2.0)) (== netcoreapp2.1) (== netstandard2.0)
      System.Runtime (>= 4.3) - restriction: || (== netcoreapp2.1) (== netstandard2.0)
    System.Linq (4.3) - restriction: || (&& (== net46) (< net35) (>= netstandard1.5)) (== netcoreapp2.1) (== netstandard2.0)
      System.Collections (>= 4.3) - restriction: || (&& (== net46) (< net45)) (&& (== net46) (< portable-net45+win8+wp8+wpa81)) (== netcoreapp2.1) (== netstandard2.0)
      System.Diagnostics.Debug (>= 4.3) - restriction: || (&& (== net46) (< net45) (>= netstandard1.6)) (&& (== net46) (< portable-net45+win8+wp8+wpa81)) (== netcoreapp2.1) (== netstandard2.0)
      System.Resources.ResourceManager (>= 4.3) - restriction: || (&& (== net46) (< net45) (>= netstandard1.6)) (&& (== net46) (< portable-net45+win8+wp8+wpa81)) (== netcoreapp2.1) (== netstandard2.0)
      System.Runtime (>= 4.3) - restriction: || (&& (== net46) (< net45)) (&& (== net46) (< portable-net45+win8+wp8+wpa81)) (== netcoreapp2.1) (== netstandard2.0)
      System.Runtime.Extensions (>= 4.3) - restriction: || (&& (== net46) (< net45) (>= netstandard1.6)) (&& (== net46) (< portable-net45+win8+wp8+wpa81)) (== netcoreapp2.1) (== netstandard2.0)
    System.Linq.Expressions (4.3) - restriction: || (&& (== net46) (< net35)) (== netcoreapp2.1) (== netstandard2.0)
      System.Collections (>= 4.3) - restriction: || (&& (== net46) (< net45) (>= netstandard1.6)) (&& (== net46) (< portable-net45+win8+wp8+wpa81)) (== netcoreapp2.1) (== netstandard2.0)
      System.Diagnostics.Debug (>= 4.3) - restriction: || (&& (== net46) (< net45) (>= netstandard1.6)) (&& (== net46) (< portable-net45+win8+wp8+wpa81)) (== netcoreapp2.1) (== netstandard2.0)
      System.Globalization (>= 4.3) - restriction: || (&& (== net46) (< net45) (>= netstandard1.6)) (&& (== net46) (< portable-net45+win8+wp8+wpa81)) (== netcoreapp2.1) (== netstandard2.0)
      System.IO (>= 4.3) - restriction: || (&& (== net46) (< net45) (>= netstandard1.6)) (&& (== net46) (< portable-net45+win8+wp8+wpa81)) (== netcoreapp2.1) (== netstandard2.0)
      System.Linq (>= 4.3) - restriction: || (&& (== net46) (< net45) (>= netstandard1.6)) (&& (== net46) (< portable-net45+win8+wp8+wpa81)) (== netcoreapp2.1) (== netstandard2.0)
      System.ObjectModel (>= 4.3) - restriction: || (&& (== net46) (< net45) (>= netstandard1.6)) (== netcoreapp2.1) (== netstandard2.0)
      System.Reflection (>= 4.3) - restriction: || (&& (== net46) (< net45)) (&& (== net46) (< portable-net45+win8+wp8+wpa81)) (== netcoreapp2.1) (== netstandard2.0)
      System.Reflection.Emit (>= 4.3) - restriction: || (&& (== net46) (< net45) (>= netstandard1.6)) (== netcoreapp2.1) (== netstandard2.0)
      System.Reflection.Emit.ILGeneration (>= 4.3) - restriction: || (&& (== net46) (< net45) (>= netstandard1.6)) (&& (== net46) (< portable-net45+win8+wp8+wpa81)) (== netcoreapp2.1) (== netstandard2.0)
      System.Reflection.Emit.Lightweight (>= 4.3) - restriction: || (&& (== net46) (< net45) (>= netstandard1.6)) (&& (== net46) (< portable-net45+win8+wp8+wpa81)) (== netcoreapp2.1) (== netstandard2.0)
      System.Reflection.Extensions (>= 4.3) - restriction: || (&& (== net46) (< net45) (>= netstandard1.6)) (&& (== net46) (< portable-net45+win8+wp8+wpa81)) (== netcoreapp2.1) (== netstandard2.0)
      System.Reflection.Primitives (>= 4.3) - restriction: || (&& (== net46) (< net45) (>= netstandard1.6)) (&& (== net46) (< portable-net45+win8+wp8+wpa81)) (== netcoreapp2.1) (== netstandard2.0)
      System.Reflection.TypeExtensions (>= 4.3) - restriction: || (&& (== net46) (< net45) (>= netstandard1.6)) (&& (== net46) (< portable-net45+win8+wp8+wpa81)) (== netcoreapp2.1) (== netstandard2.0)
      System.Resources.ResourceManager (>= 4.3) - restriction: || (&& (== net46) (< net45) (>= netstandard1.6)) (&& (== net46) (< portable-net45+win8+wp8+wpa81)) (== netcoreapp2.1) (== netstandard2.0)
      System.Runtime (>= 4.3) - restriction: || (&& (== net46) (< net45)) (&& (== net46) (< portable-net45+win8+wp8+wpa81)) (== netcoreapp2.1) (== netstandard2.0)
      System.Runtime.Extensions (>= 4.3) - restriction: || (&& (== net46) (< net45) (>= netstandard1.6)) (&& (== net46) (< portable-net45+win8+wp8+wpa81)) (== netcoreapp2.1) (== netstandard2.0)
      System.Threading (>= 4.3) - restriction: || (&& (== net46) (< net45) (>= netstandard1.6)) (&& (== net46) (< portable-net45+win8+wp8+wpa81)) (== netcoreapp2.1) (== netstandard2.0)
    System.Memory (4.5.1) - restriction: || (&& (== net46) (== netcoreapp2.1)) (&& (== net46) (< net45) (>= netstandard2.0)) (== netstandard2.0)
      System.Buffers (>= 4.4) - restriction: || (== net46) (&& (== netcoreapp2.1) (>= monoandroid)) (&& (== netcoreapp2.1) (>= monotouch)) (&& (== netcoreapp2.1) (>= net461)) (&& (== netcoreapp2.1) (< netstandard1.1)) (&& (== netcoreapp2.1) (< netstandard2.0)) (&& (== netcoreapp2.1) (>= xamarinios)) (&& (== netcoreapp2.1) (>= xamarinmac)) (&& (== netcoreapp2.1) (>= xamarintvos)) (&& (== netcoreapp2.1) (>= xamarinwatchos)) (== netstandard2.0)
      System.Numerics.Vectors (>= 4.4) - restriction: || (&& (== net46) (< net45) (>= netstandard2.0)) (&& (== net46) (>= net461)) (&& (== netcoreapp2.1) (>= net461)) (== netstandard2.0)
      System.Runtime.CompilerServices.Unsafe (>= 4.5) - restriction: || (== net46) (&& (== netcoreapp2.1) (>= monoandroid)) (&& (== netcoreapp2.1) (>= monotouch)) (&& (== netcoreapp2.1) (>= net461)) (&& (== netcoreapp2.1) (>= netcoreapp2.0)) (&& (== netcoreapp2.1) (< netstandard1.1)) (&& (== netcoreapp2.1) (< netstandard2.0)) (&& (== netcoreapp2.1) (>= uap10.1)) (&& (== netcoreapp2.1) (>= xamarinios)) (&& (== netcoreapp2.1) (>= xamarinmac)) (&& (== netcoreapp2.1) (>= xamarintvos)) (&& (== netcoreapp2.1) (>= xamarinwatchos)) (== netstandard2.0)
    System.Numerics.Vectors (4.5) - restriction: || (&& (== net46) (== netcoreapp2.1)) (&& (== net46) (< net45) (>= netstandard2.0)) (== netstandard2.0)
    System.ObjectModel (4.3) - restriction: || (&& (== net46) (< net35)) (== netcoreapp2.1) (== netstandard2.0)
      System.Collections (>= 4.3) - restriction: || (&& (== net46) (< net45)) (&& (== net46) (< portable-net45+win8+wp8+wpa81)) (== netcoreapp2.1) (== netstandard2.0)
      System.Diagnostics.Debug (>= 4.3) - restriction: || (&& (== net46) (< net45)) (&& (== net46) (< portable-net45+win8+wp8+wpa81)) (== netcoreapp2.1) (== netstandard2.0)
      System.Resources.ResourceManager (>= 4.3) - restriction: || (&& (== net46) (< net45)) (&& (== net46) (< portable-net45+win8+wp8+wpa81)) (== netcoreapp2.1) (== netstandard2.0)
      System.Runtime (>= 4.3) - restriction: || (&& (== net46) (< net45)) (&& (== net46) (< portable-net45+win8+wp8+wpa81)) (== netcoreapp2.1) (== netstandard2.0)
      System.Threading (>= 4.3) - restriction: || (&& (== net46) (< net45)) (&& (== net46) (< portable-net45+win8+wp8+wpa81)) (== netcoreapp2.1) (== netstandard2.0)
    System.Private.DataContractSerialization (4.3) - restriction: || (&& (== net46) (< net45)) (&& (== net46) (< portable-net45+win8+wp8+wpa81)) (== netcoreapp2.1) (== netstandard2.0)
      System.Collections (>= 4.3) - restriction: || (&& (== net46) (< netstandard1.3)) (== netcoreapp2.1) (== netstandard2.0)
      System.Collections.Concurrent (>= 4.3) - restriction: || (&& (== net46) (< netstandard1.3)) (== netcoreapp2.1) (== netstandard2.0)
      System.Diagnostics.Debug (>= 4.3) - restriction: || (&& (== net46) (< netstandard1.3)) (== netcoreapp2.1) (== netstandard2.0)
      System.Globalization (>= 4.3) - restriction: || (&& (== net46) (< netstandard1.3)) (== netcoreapp2.1) (== netstandard2.0)
      System.IO (>= 4.3) - restriction: || (&& (== net46) (< netstandard1.3)) (== netcoreapp2.1) (== netstandard2.0)
      System.Linq (>= 4.3) - restriction: || (&& (== net46) (< netstandard1.3)) (== netcoreapp2.1) (== netstandard2.0)
      System.Reflection (>= 4.3) - restriction: || (&& (== net46) (< netstandard1.3)) (== netcoreapp2.1) (== netstandard2.0)
      System.Reflection.Emit.ILGeneration (>= 4.3) - restriction: || (== netcoreapp2.1) (== netstandard2.0)
      System.Reflection.Emit.Lightweight (>= 4.3) - restriction: || (== netcoreapp2.1) (== netstandard2.0)
      System.Reflection.Extensions (>= 4.3) - restriction: || (&& (== net46) (< netstandard1.3)) (== netcoreapp2.1) (== netstandard2.0)
      System.Reflection.Primitives (>= 4.3) - restriction: || (&& (== net46) (< netstandard1.3)) (== netcoreapp2.1) (== netstandard2.0)
      System.Reflection.TypeExtensions (>= 4.3)
      System.Resources.ResourceManager (>= 4.3) - restriction: || (&& (== net46) (< netstandard1.3)) (== netcoreapp2.1) (== netstandard2.0)
      System.Runtime (>= 4.3) - restriction: || (&& (== net46) (< netstandard1.3)) (== netcoreapp2.1) (== netstandard2.0)
      System.Runtime.Extensions (>= 4.3) - restriction: || (&& (== net46) (< netstandard1.3)) (== netcoreapp2.1) (== netstandard2.0)
      System.Runtime.Serialization.Primitives (>= 4.3)
      System.Text.Encoding (>= 4.3) - restriction: || (&& (== net46) (< netstandard1.3)) (== netcoreapp2.1) (== netstandard2.0)
      System.Text.Encoding.Extensions (>= 4.3) - restriction: || (&& (== net46) (< netstandard1.3)) (== netcoreapp2.1) (== netstandard2.0)
      System.Text.RegularExpressions (>= 4.3) - restriction: || (&& (== net46) (< netstandard1.3)) (== netcoreapp2.1) (== netstandard2.0)
      System.Threading (>= 4.3) - restriction: || (&& (== net46) (< netstandard1.3)) (== netcoreapp2.1) (== netstandard2.0)
      System.Threading.Tasks (>= 4.3) - restriction: || (&& (== net46) (< netstandard1.3)) (== netcoreapp2.1) (== netstandard2.0)
      System.Xml.ReaderWriter (>= 4.3) - restriction: || (&& (== net46) (< netstandard1.3)) (== netcoreapp2.1) (== netstandard2.0)
      System.Xml.XDocument (>= 4.3) - restriction: || (&& (== net46) (< netstandard1.3)) (== netcoreapp2.1) (== netstandard2.0)
      System.Xml.XmlDocument (>= 4.3)
      System.Xml.XmlSerializer (>= 4.3) - restriction: || (&& (== net46) (< netstandard1.3)) (== netcoreapp2.1) (== netstandard2.0)
    System.Reflection (4.3) - restriction: || (&& (== net46) (< net35)) (== netcoreapp2.1) (== netstandard2.0)
      Microsoft.NETCore.Platforms (>= 1.1) - restriction: || (&& (== net46) (< net45)) (&& (== net46) (< portable-net45+win8+wp8+wpa81)) (== netcoreapp2.1) (== netstandard2.0)
      Microsoft.NETCore.Targets (>= 1.1) - restriction: || (&& (== net46) (< net45)) (&& (== net46) (< portable-net45+win8+wp8+wpa81)) (== netcoreapp2.1) (== netstandard2.0)
      System.IO (>= 4.3) - restriction: || (&& (== net46) (< net45)) (&& (== net46) (< portable-net45+win8+wp8+wpa81)) (== netcoreapp2.1) (== netstandard2.0)
      System.Reflection.Primitives (>= 4.3) - restriction: || (&& (== net46) (< net45)) (&& (== net46) (< portable-net45+win8+wp8+wpa81)) (== netcoreapp2.1) (== netstandard2.0)
      System.Runtime (>= 4.3) - restriction: || (&& (== net46) (< net45)) (&& (== net46) (< portable-net45+win8+wp8+wpa81)) (== netcoreapp2.1) (== netstandard2.0)
    System.Reflection.Emit (4.3) - restriction: || (&& (== net46) (< net35)) (== netcoreapp2.1) (== netstandard2.0)
      System.IO (>= 4.3) - restriction: || (&& (== net46) (< net45)) (== netcoreapp2.1) (== netstandard2.0)
      System.Reflection (>= 4.3) - restriction: || (&& (== net46) (< net45)) (== netcoreapp2.1) (== netstandard2.0)
      System.Reflection.Emit.ILGeneration (>= 4.3) - restriction: || (&& (== net46) (< net45)) (== netcoreapp2.1) (== netstandard2.0)
      System.Reflection.Primitives (>= 4.3) - restriction: || (&& (== net46) (< net45)) (== netcoreapp2.1) (== netstandard2.0)
      System.Runtime (>= 4.3) - restriction: || (&& (== net46) (< net45)) (== netcoreapp2.1) (== netstandard2.0)
    System.Reflection.Emit.ILGeneration (4.3) - restriction: || (&& (== net46) (< net35)) (== netcoreapp2.1) (== netstandard2.0)
      System.Reflection (>= 4.3) - restriction: || (&& (== net46) (< net45)) (== netcoreapp2.1) (== netstandard2.0)
      System.Reflection.Primitives (>= 4.3) - restriction: || (&& (== net46) (< net45)) (== netcoreapp2.1) (== netstandard2.0)
      System.Runtime (>= 4.3) - restriction: || (&& (== net46) (< net45)) (== netcoreapp2.1) (== netstandard2.0)
    System.Reflection.Emit.Lightweight (4.3) - restriction: || (&& (== net46) (< net35) (>= netstandard1.6)) (&& (== net46) (< net35) (< portable-net45+win8+wp8+wpa81)) (== netcoreapp2.1) (== netstandard2.0)
      System.Reflection (>= 4.3) - restriction: || (&& (== net46) (< net45)) (== netcoreapp2.1) (== netstandard2.0)
      System.Reflection.Emit.ILGeneration (>= 4.3) - restriction: || (&& (== net46) (< net45)) (== netcoreapp2.1) (== netstandard2.0)
      System.Reflection.Primitives (>= 4.3) - restriction: || (&& (== net46) (< net45)) (== netcoreapp2.1) (== netstandard2.0)
      System.Runtime (>= 4.3) - restriction: || (&& (== net46) (< net45)) (== netcoreapp2.1) (== netstandard2.0)
    System.Reflection.Extensions (4.3) - restriction: || (&& (== net46) (< net35)) (== netcoreapp2.1) (== netstandard2.0)
      Microsoft.NETCore.Platforms (>= 1.1) - restriction: || (&& (== net46) (< net45)) (&& (== net46) (< portable-net45+win8+wp8+wpa81)) (== netcoreapp2.1) (== netstandard2.0)
      Microsoft.NETCore.Targets (>= 1.1) - restriction: || (&& (== net46) (< net45)) (&& (== net46) (< portable-net45+win8+wp8+wpa81)) (== netcoreapp2.1) (== netstandard2.0)
      System.Reflection (>= 4.3) - restriction: || (&& (== net46) (< net45)) (&& (== net46) (< portable-net45+win8+wp8+wpa81)) (== netcoreapp2.1) (== netstandard2.0)
      System.Runtime (>= 4.3) - restriction: || (&& (== net46) (< net45)) (&& (== net46) (< portable-net45+win8+wp8+wpa81)) (== netcoreapp2.1) (== netstandard2.0)
    System.Reflection.Metadata (1.6) - restriction: || (&& (== net46) (< netstandard1.3) (>= netstandard2.0)) (== netcoreapp2.1) (== netstandard2.0)
      System.Collections.Immutable (>= 1.5) - restriction: || (== net46) (&& (== netcoreapp2.1) (>= net45)) (&& (== netcoreapp2.1) (< netstandard1.1)) (&& (== netcoreapp2.1) (< netstandard2.0)) (== netstandard2.0)
    System.Reflection.Primitives (4.3) - restriction: || (&& (== net46) (< net35)) (== netcoreapp2.1) (== netstandard2.0)
      Microsoft.NETCore.Platforms (>= 1.1) - restriction: || (&& (== net46) (< net45)) (&& (== net46) (< portable-net45+win8+wp8+wpa81)) (== netcoreapp2.1) (== netstandard2.0)
      Microsoft.NETCore.Targets (>= 1.1) - restriction: || (&& (== net46) (< net45)) (&& (== net46) (< portable-net45+win8+wp8+wpa81)) (== netcoreapp2.1) (== netstandard2.0)
      System.Runtime (>= 4.3) - restriction: || (&& (== net46) (< net45)) (&& (== net46) (< portable-net45+win8+wp8+wpa81)) (== netcoreapp2.1) (== netstandard2.0)
    System.Reflection.TypeExtensions (4.5) - restriction: || (&& (== net46) (< net35)) (== netcoreapp2.1) (== netstandard2.0)
    System.Resources.ResourceManager (4.3) - restriction: || (&& (== net46) (< net35)) (&& (== net46) (< net45) (>= netstandard1.6)) (&& (== net46) (< portable-net45+win8+wp8+wpa81)) (== netcoreapp2.1) (== netstandard2.0)
      Microsoft.NETCore.Platforms (>= 1.1) - restriction: || (&& (== net46) (< net45)) (&& (== net46) (< portable-net45+win8+wp8+wpa81)) (== netcoreapp2.1) (== netstandard2.0)
      Microsoft.NETCore.Targets (>= 1.1) - restriction: || (&& (== net46) (< net45)) (&& (== net46) (< portable-net45+win8+wp8+wpa81)) (== netcoreapp2.1) (== netstandard2.0)
      System.Globalization (>= 4.3) - restriction: || (&& (== net46) (< net45)) (&& (== net46) (< portable-net45+win8+wp8+wpa81)) (== netcoreapp2.1) (== netstandard2.0)
      System.Reflection (>= 4.3) - restriction: || (&& (== net46) (< net45)) (&& (== net46) (< portable-net45+win8+wp8+wpa81)) (== netcoreapp2.1) (== netstandard2.0)
      System.Runtime (>= 4.3) - restriction: || (&& (== net46) (< net45)) (&& (== net46) (< portable-net45+win8+wp8+wpa81)) (== netcoreapp2.1) (== netstandard2.0)
    System.Runtime (4.3) - restriction: || (&& (== net46) (< netstandard1.3) (>= netstandard2.0)) (== netcoreapp2.1) (== netstandard2.0)
      Microsoft.NETCore.Platforms (>= 1.1) - restriction: || (&& (== net46) (< net45)) (&& (== net46) (< portable-net45+win8+wp8+wpa81)) (== netcoreapp2.1) (== netstandard2.0)
      Microsoft.NETCore.Targets (>= 1.1) - restriction: || (&& (== net46) (< net45)) (&& (== net46) (< portable-net45+win8+wp8+wpa81)) (== netcoreapp2.1) (== netstandard2.0)
    System.Runtime.CompilerServices.Unsafe (4.5.1) - restriction: || (&& (== net46) (== netcoreapp2.1)) (&& (== net46) (>= monoandroid) (>= netstandard2.0)) (&& (== net46) (>= monotouch) (>= netstandard2.0)) (&& (== net46) (< net45) (>= netstandard2.0)) (&& (== net46) (>= netcoreapp2.0)) (&& (== net46) (< netstandard1.1) (>= netstandard2.0)) (&& (== net46) (>= netstandard2.0) (>= uap10.1)) (&& (== net46) (>= netstandard2.0) (>= wpa81)) (&& (== net46) (>= netstandard2.0) (>= xamarinios)) (&& (== net46) (>= netstandard2.0) (>= xamarinmac)) (&& (== net46) (>= netstandard2.0) (>= xamarintvos)) (&& (== net46) (>= netstandard2.0) (>= xamarinwatchos)) (== netstandard2.0)
    System.Runtime.Extensions (4.3) - restriction: || (&& (== net46) (< net45) (>= netstandard1.6)) (&& (== net46) (< netstandard1.3) (>= netstandard2.0)) (&& (== net46) (< portable-net45+win8+wp8+wpa81)) (== netcoreapp2.1) (== netstandard2.0)
      Microsoft.NETCore.Platforms (>= 1.1) - restriction: || (&& (== net46) (< net45)) (&& (== net46) (< portable-net45+win8+wp8+wpa81)) (== netcoreapp2.1) (== netstandard2.0)
      Microsoft.NETCore.Targets (>= 1.1) - restriction: || (&& (== net46) (< net45)) (&& (== net46) (< portable-net45+win8+wp8+wpa81)) (== netcoreapp2.1) (== netstandard2.0)
      System.Runtime (>= 4.3) - restriction: || (&& (== net46) (< net45)) (&& (== net46) (< portable-net45+win8+wp8+wpa81)) (== netcoreapp2.1) (== netstandard2.0)
    System.Runtime.Handles (4.3) - restriction: || (&& (== net46) (< netstandard1.3) (>= netstandard2.0)) (== netcoreapp2.1) (== netstandard2.0)
      Microsoft.NETCore.Platforms (>= 1.1) - restriction: || (== netcoreapp2.1) (== netstandard2.0)
      Microsoft.NETCore.Targets (>= 1.1) - restriction: || (== netcoreapp2.1) (== netstandard2.0)
      System.Runtime (>= 4.3) - restriction: || (== netcoreapp2.1) (== netstandard2.0)
    System.Runtime.InteropServices (4.3) - restriction: || (== netcoreapp2.1) (== netstandard2.0)
      Microsoft.NETCore.Platforms (>= 1.1) - restriction: || (&& (== net46) (< net45)) (&& (== net46) (>= netcoreapp1.1)) (&& (== net46) (< portable-net45+win8+wpa81)) (== netcoreapp2.1) (== netstandard2.0)
      Microsoft.NETCore.Targets (>= 1.1) - restriction: || (&& (== net46) (< net45)) (&& (== net46) (>= netcoreapp1.1)) (&& (== net46) (< portable-net45+win8+wpa81)) (== netcoreapp2.1) (== netstandard2.0)
      System.Reflection (>= 4.3) - restriction: || (&& (== net46) (< net45)) (&& (== net46) (>= netcoreapp1.1)) (&& (== net46) (< portable-net45+win8+wpa81)) (== netcoreapp2.1) (== netstandard2.0)
      System.Reflection.Primitives (>= 4.3) - restriction: || (&& (== net46) (< net45)) (&& (== net46) (>= netcoreapp1.1)) (&& (== net46) (< portable-net45+win8+wpa81)) (== netcoreapp2.1) (== netstandard2.0)
      System.Runtime (>= 4.3) - restriction: || (&& (== net46) (< net45)) (&& (== net46) (>= net462)) (&& (== net46) (>= netcoreapp1.1)) (&& (== net46) (< portable-net45+win8+wpa81)) (== netcoreapp2.1) (== netstandard2.0)
      System.Runtime.Handles (>= 4.3) - restriction: || (&& (== net46) (< net45)) (&& (== net46) (>= netcoreapp1.1)) (&& (== net46) (< portable-net45+win8+wpa81)) (== netcoreapp2.1) (== netstandard2.0)
    System.Runtime.Numerics (4.3) - restriction: || (&& (== net46) (< net35) (>= net461) (>= netstandard1.6)) (&& (== net46) (< net35) (>= netstandard2.0)) (== netcoreapp2.1) (== netstandard2.0)
      System.Globalization (>= 4.3) - restriction: || (&& (== net46) (< net45)) (&& (== net46) (< portable-net45+win8+wpa81)) (== netcoreapp2.1) (== netstandard2.0)
      System.Resources.ResourceManager (>= 4.3) - restriction: || (&& (== net46) (< net45)) (&& (== net46) (< portable-net45+win8+wpa81)) (== netcoreapp2.1) (== netstandard2.0)
      System.Runtime (>= 4.3) - restriction: || (&& (== net46) (< net45)) (&& (== net46) (< portable-net45+win8+wpa81)) (== netcoreapp2.1) (== netstandard2.0)
      System.Runtime.Extensions (>= 4.3) - restriction: || (&& (== net46) (< net45)) (&& (== net46) (< portable-net45+win8+wpa81)) (== netcoreapp2.1) (== netstandard2.0)
    System.Runtime.Serialization.Primitives (4.3) - restriction: || (&& (== net46) (< net45)) (&& (== net46) (< portable-net45+win8+wp8+wpa81)) (== netcoreapp2.1) (== netstandard2.0)
      System.Resources.ResourceManager (>= 4.3) - restriction: || (&& (== net46) (< net45)) (&& (== net46) (< portable-net45+win8+wp8+wpa81)) (== netcoreapp2.1) (== netstandard2.0)
      System.Runtime (>= 4.3) - restriction: || (&& (== net46) (< net45)) (&& (== net46) (< portable-net45+win8+wp8+wpa81)) (== netcoreapp2.1) (== netstandard2.0)
    System.Runtime.Serialization.Xml (4.3) - restriction: || (&& (== net46) (< net45)) (== netcoreapp2.1) (== netstandard2.0)
      System.IO (>= 4.3) - restriction: || (&& (== net46) (< net45)) (&& (== net46) (< portable-net45+win8+wp8+wpa81)) (== netcoreapp2.1) (== netstandard2.0)
      System.Private.DataContractSerialization (>= 4.3) - restriction: || (&& (== net46) (< net45)) (&& (== net46) (< portable-net45+win8+wp8+wpa81)) (== netcoreapp2.1) (== netstandard2.0)
      System.Runtime (>= 4.3) - restriction: || (&& (== net46) (< net45)) (&& (== net46) (< portable-net45+win8+wp8+wpa81)) (== netcoreapp2.1) (== netstandard2.0)
      System.Runtime.Serialization.Primitives (>= 4.3)
      System.Text.Encoding (>= 4.3) - restriction: || (&& (== net46) (< net45)) (&& (== net46) (< portable-net45+win8+wp8+wpa81)) (== netcoreapp2.1) (== netstandard2.0)
      System.Xml.ReaderWriter (>= 4.3) - restriction: || (&& (== net46) (< net45)) (&& (== net46) (< portable-net45+win8+wp8+wpa81)) (== netcoreapp2.1) (== netstandard2.0)
    System.Security.AccessControl (4.5) - restriction: || (&& (== net46) (>= monoandroid) (>= netstandard2.0)) (&& (== net46) (>= monotouch) (>= netstandard2.0)) (&& (== net46) (< net45) (>= netstandard2.0)) (&& (== net46) (>= netstandard2.0) (>= xamarinios)) (&& (== net46) (>= netstandard2.0) (>= xamarinmac)) (&& (== net46) (>= netstandard2.0) (>= xamarintvos)) (&& (== net46) (>= netstandard2.0) (>= xamarinwatchos)) (== netcoreapp2.1) (== netstandard2.0)
      System.Security.Principal.Windows (>= 4.5) - restriction: || (&& (== net46) (>= net461)) (&& (== net46) (>= netcoreapp2.0)) (== netcoreapp2.1) (== netstandard2.0)
    System.Security.Cryptography.Algorithms (4.3.1) - restriction: || (&& (== net46) (< net35) (>= net461)) (&& (== net46) (< net35) (>= netstandard2.0)) (== netcoreapp2.1) (== netstandard2.0)
      Microsoft.NETCore.Platforms (>= 1.1) - restriction: || (&& (== net46) (< netstandard1.3)) (== netcoreapp2.1) (== netstandard2.0)
      runtime.native.System.Security.Cryptography.Apple (>= 4.3.1) - restriction: || (== netcoreapp2.1) (== netstandard2.0)
      runtime.native.System.Security.Cryptography.OpenSsl (>= 4.3.2) - restriction: || (== netcoreapp2.1) (== netstandard2.0)
      System.Collections (>= 4.3) - restriction: || (== netcoreapp2.1) (== netstandard2.0)
      System.IO (>= 4.3) - restriction: || (&& (== net46) (>= net463)) (&& (== net46) (< netstandard1.3)) (== netcoreapp2.1) (== netstandard2.0)
      System.Resources.ResourceManager (>= 4.3) - restriction: || (&& (== net46) (< netstandard1.3)) (== netcoreapp2.1) (== netstandard2.0)
      System.Runtime (>= 4.3) - restriction: || (&& (== net46) (>= net463)) (&& (== net46) (< netstandard1.3)) (== netcoreapp2.1) (== netstandard2.0)
      System.Runtime.Extensions (>= 4.3) - restriction: || (&& (== net46) (< netstandard1.3)) (== netcoreapp2.1) (== netstandard2.0)
      System.Runtime.Handles (>= 4.3) - restriction: || (&& (== net46) (< netstandard1.3)) (== netcoreapp2.1) (== netstandard2.0)
      System.Runtime.InteropServices (>= 4.3) - restriction: || (&& (== net46) (< netstandard1.3)) (== netcoreapp2.1) (== netstandard2.0)
      System.Runtime.Numerics (>= 4.3) - restriction: || (== netcoreapp2.1) (== netstandard2.0)
      System.Security.Cryptography.Encoding (>= 4.3) - restriction: || (&& (== net46) (>= net463)) (&& (== net46) (< netstandard1.3)) (== netcoreapp2.1) (== netstandard2.0)
      System.Security.Cryptography.Primitives (>= 4.3)
      System.Text.Encoding (>= 4.3) - restriction: || (&& (== net46) (< netstandard1.3)) (== netcoreapp2.1) (== netstandard2.0)
    System.Security.Cryptography.Csp (4.3) - restriction: || (&& (== net46) (< net35) (>= net461)) (&& (== net46) (< net35) (>= netstandard2.0)) (== netcoreapp2.1) (== netstandard2.0)
      Microsoft.NETCore.Platforms (>= 1.1) - restriction: || (== netcoreapp2.1) (== netstandard2.0)
      System.IO (>= 4.3) - restriction: || (== netcoreapp2.1) (== netstandard2.0)
      System.Reflection (>= 4.3) - restriction: || (== netcoreapp2.1) (== netstandard2.0)
      System.Resources.ResourceManager (>= 4.3) - restriction: || (== netcoreapp2.1) (== netstandard2.0)
      System.Runtime (>= 4.3) - restriction: || (== netcoreapp2.1) (== netstandard2.0)
      System.Runtime.Extensions (>= 4.3) - restriction: || (== netcoreapp2.1) (== netstandard2.0)
      System.Runtime.Handles (>= 4.3) - restriction: || (== netcoreapp2.1) (== netstandard2.0)
      System.Runtime.InteropServices (>= 4.3) - restriction: || (== netcoreapp2.1) (== netstandard2.0)
      System.Security.Cryptography.Algorithms (>= 4.3)
      System.Security.Cryptography.Encoding (>= 4.3) - restriction: || (== netcoreapp2.1) (== netstandard2.0)
      System.Security.Cryptography.Primitives (>= 4.3)
      System.Text.Encoding (>= 4.3) - restriction: || (== netcoreapp2.1) (== netstandard2.0)
      System.Threading (>= 4.3) - restriction: || (== netcoreapp2.1) (== netstandard2.0)
    System.Security.Cryptography.Encoding (4.3) - restriction: || (&& (== net46) (< net35) (>= net461) (< netstandard1.3)) (&& (== net46) (< net35) (>= net461) (>= netstandard1.6)) (&& (== net46) (< net35) (>= net463)) (&& (== net46) (< net35) (>= netstandard2.0)) (== netcoreapp2.1) (== netstandard2.0)
      Microsoft.NETCore.Platforms (>= 1.1) - restriction: || (== netcoreapp2.1) (== netstandard2.0)
      runtime.native.System.Security.Cryptography.OpenSsl (>= 4.3) - restriction: || (== netcoreapp2.1) (== netstandard2.0)
      System.Collections (>= 4.3) - restriction: || (== netcoreapp2.1) (== netstandard2.0)
      System.Collections.Concurrent (>= 4.3) - restriction: || (== netcoreapp2.1) (== netstandard2.0)
      System.Linq (>= 4.3) - restriction: || (== netcoreapp2.1) (== netstandard2.0)
      System.Resources.ResourceManager (>= 4.3) - restriction: || (== netcoreapp2.1) (== netstandard2.0)
      System.Runtime (>= 4.3) - restriction: || (== netcoreapp2.1) (== netstandard2.0)
      System.Runtime.Extensions (>= 4.3) - restriction: || (== netcoreapp2.1) (== netstandard2.0)
      System.Runtime.Handles (>= 4.3) - restriction: || (== netcoreapp2.1) (== netstandard2.0)
      System.Runtime.InteropServices (>= 4.3) - restriction: || (== netcoreapp2.1) (== netstandard2.0)
      System.Security.Cryptography.Primitives (>= 4.3) - restriction: || (== netcoreapp2.1) (== netstandard2.0)
      System.Text.Encoding (>= 4.3) - restriction: || (== netcoreapp2.1) (== netstandard2.0)
    System.Security.Cryptography.Primitives (4.3) - restriction: || (&& (== net46) (< net35) (>= net461)) (&& (== net46) (< net35) (>= net463)) (&& (== net46) (< net35) (>= netstandard2.0)) (== netcoreapp2.1) (== netstandard2.0)
      System.Diagnostics.Debug (>= 4.3) - restriction: || (== netcoreapp2.1) (== netstandard2.0)
      System.Globalization (>= 4.3) - restriction: || (== netcoreapp2.1) (== netstandard2.0)
      System.IO (>= 4.3) - restriction: || (== netcoreapp2.1) (== netstandard2.0)
      System.Resources.ResourceManager (>= 4.3) - restriction: || (== netcoreapp2.1) (== netstandard2.0)
      System.Runtime (>= 4.3) - restriction: || (== netcoreapp2.1) (== netstandard2.0)
      System.Threading (>= 4.3) - restriction: || (== netcoreapp2.1) (== netstandard2.0)
      System.Threading.Tasks (>= 4.3) - restriction: || (== netcoreapp2.1) (== netstandard2.0)
    System.Security.Cryptography.ProtectedData (4.5) - restriction: || (&& (== net46) (< net45) (>= netstandard2.0)) (== netcoreapp2.1) (== netstandard2.0)
      System.Memory (>= 4.5) - restriction: == netstandard2.0
    System.Security.Permissions (4.5) - restriction: || (&& (== net46) (>= monoandroid) (>= netstandard2.0)) (&& (== net46) (>= monotouch) (>= netstandard2.0)) (&& (== net46) (< net45) (>= netstandard2.0)) (&& (== net46) (>= netstandard2.0) (>= xamarinios)) (&& (== net46) (>= netstandard2.0) (>= xamarinmac)) (&& (== net46) (>= netstandard2.0) (>= xamarintvos)) (&& (== net46) (>= netstandard2.0) (>= xamarinwatchos)) (== netcoreapp2.1) (== netstandard2.0)
      System.Security.AccessControl (>= 4.5) - restriction: || (&& (== net46) (>= net461)) (&& (== net46) (>= netstandard2.0)) (== netcoreapp2.1) (== netstandard2.0)
    System.Security.Principal.Windows (4.5) - restriction: || (&& (== net46) (>= monoandroid) (>= netstandard2.0)) (&& (== net46) (>= monotouch) (>= netstandard2.0)) (&& (== net46) (< net45) (>= netstandard2.0)) (&& (== net46) (>= netcoreapp2.0)) (&& (== net46) (>= netstandard2.0) (>= xamarinios)) (&& (== net46) (>= netstandard2.0) (>= xamarinmac)) (&& (== net46) (>= netstandard2.0) (>= xamarintvos)) (&& (== net46) (>= netstandard2.0) (>= xamarinwatchos)) (== netcoreapp2.1) (== netstandard2.0)
    System.Text.Encoding (4.3) - restriction: || (&& (== net46) (< net35)) (== netcoreapp2.1) (== netstandard2.0)
      Microsoft.NETCore.Platforms (>= 1.1) - restriction: || (&& (== net46) (< net45)) (&& (== net46) (< portable-net45+win8+wp8+wpa81)) (== netcoreapp2.1) (== netstandard2.0)
      Microsoft.NETCore.Targets (>= 1.1) - restriction: || (&& (== net46) (< net45)) (&& (== net46) (< portable-net45+win8+wp8+wpa81)) (== netcoreapp2.1) (== netstandard2.0)
      System.Runtime (>= 4.3) - restriction: || (&& (== net46) (< net45)) (&& (== net46) (< portable-net45+win8+wp8+wpa81)) (== netcoreapp2.1) (== netstandard2.0)
    System.Text.Encoding.Extensions (4.3) - restriction: || (&& (== net46) (< net45)) (&& (== net46) (< portable-net45+win8+wp8+wpa81)) (== netcoreapp2.1) (== netstandard2.0)
      Microsoft.NETCore.Platforms (>= 1.1) - restriction: || (&& (== net46) (< net45)) (&& (== net46) (< portable-net45+win8+wp8+wpa81)) (== netcoreapp2.1) (== netstandard2.0)
      Microsoft.NETCore.Targets (>= 1.1) - restriction: || (&& (== net46) (< net45)) (&& (== net46) (< portable-net45+win8+wp8+wpa81)) (== netcoreapp2.1) (== netstandard2.0)
      System.Runtime (>= 4.3) - restriction: || (&& (== net46) (< net45)) (&& (== net46) (< portable-net45+win8+wp8+wpa81)) (== netcoreapp2.1) (== netstandard2.0)
      System.Text.Encoding (>= 4.3) - restriction: || (&& (== net46) (< net45)) (&& (== net46) (< portable-net45+win8+wp8+wpa81)) (== netcoreapp2.1) (== netstandard2.0)
    System.Text.RegularExpressions (4.3) - restriction: || (&& (== net46) (< net45)) (&& (== net46) (< portable-net45+win8+wp8+wpa81)) (== netcoreapp2.1) (== netstandard2.0)
      System.Collections (>= 4.3) - restriction: || (&& (== net46) (< net45) (>= netstandard1.6)) (&& (== net46) (< portable-net45+win8+wp8+wpa81)) (&& (== netcoreapp2.1) (< netcoreapp1.1)) (&& (== netcoreapp2.1) (< portable-net45+win8+wp8+wpa81)) (== netstandard2.0)
      System.Globalization (>= 4.3) - restriction: || (&& (== net46) (< net45) (>= netstandard1.6)) (&& (== net46) (< portable-net45+win8+wp8+wpa81)) (&& (== netcoreapp2.1) (< netcoreapp1.1)) (&& (== netcoreapp2.1) (< portable-net45+win8+wp8+wpa81)) (== netstandard2.0)
      System.Resources.ResourceManager (>= 4.3) - restriction: || (&& (== net46) (< net45) (>= netstandard1.6)) (&& (== net46) (< portable-net45+win8+wp8+wpa81)) (&& (== netcoreapp2.1) (< netcoreapp1.1)) (&& (== netcoreapp2.1) (< portable-net45+win8+wp8+wpa81)) (== netstandard2.0)
      System.Runtime (>= 4.3) - restriction: || (&& (== net46) (< net45)) (&& (== net46) (>= netcoreapp1.1)) (&& (== net46) (< portable-net45+win8+wp8+wpa81)) (== netcoreapp2.1) (== netstandard2.0)
      System.Runtime.Extensions (>= 4.3) - restriction: || (&& (== net46) (< net45) (>= netstandard1.6)) (&& (== net46) (< portable-net45+win8+wp8+wpa81)) (&& (== netcoreapp2.1) (< netcoreapp1.1)) (&& (== netcoreapp2.1) (< portable-net45+win8+wp8+wpa81)) (== netstandard2.0)
      System.Threading (>= 4.3) - restriction: || (&& (== net46) (< net45) (>= netstandard1.6)) (&& (== net46) (< portable-net45+win8+wp8+wpa81)) (&& (== netcoreapp2.1) (< netcoreapp1.1)) (&& (== netcoreapp2.1) (< portable-net45+win8+wp8+wpa81)) (== netstandard2.0)
    System.Threading (4.3) - restriction: || (&& (== net46) (< net35)) (&& (== net46) (< net45) (>= netstandard1.6)) (&& (== net46) (< portable-net45+win8+wp8+wpa81)) (== netcoreapp2.1) (== netstandard2.0)
      System.Runtime (>= 4.3) - restriction: || (&& (== net46) (< net45)) (&& (== net46) (< portable-net45+win8+wp8+wpa81)) (== netcoreapp2.1) (== netstandard2.0)
      System.Threading.Tasks (>= 4.3) - restriction: || (&& (== net46) (< net45)) (&& (== net46) (< portable-net45+win8+wp8+wpa81)) (== netcoreapp2.1) (== netstandard2.0)
    System.Threading.Tasks (4.3) - restriction: || (&& (== net46) (< net45) (< netstandard1.3) (>= netstandard2.0)) (&& (== net46) (>= netstandard2.0) (< portable-net45+win8+wp8+wpa81)) (== netcoreapp2.1) (== netstandard2.0)
      Microsoft.NETCore.Platforms (>= 1.1) - restriction: || (&& (== net46) (< net45)) (&& (== net46) (< portable-net45+win8+wp8+wpa81)) (== netcoreapp2.1) (== netstandard2.0)
      Microsoft.NETCore.Targets (>= 1.1) - restriction: || (&& (== net46) (< net45)) (&& (== net46) (< portable-net45+win8+wp8+wpa81)) (== netcoreapp2.1) (== netstandard2.0)
      System.Runtime (>= 4.3) - restriction: || (&& (== net46) (< net45)) (&& (== net46) (< portable-net45+win8+wp8+wpa81)) (== netcoreapp2.1) (== netstandard2.0)
    System.Threading.Tasks.Extensions (4.5.1) - restriction: || (&& (== net46) (< net35)) (== netcoreapp2.1) (== netstandard2.0)
      System.Runtime.CompilerServices.Unsafe (>= 4.5) - restriction: || (== net46) (&& (== netcoreapp2.1) (>= net45)) (&& (== netcoreapp2.1) (< netstandard1.0)) (&& (== netcoreapp2.1) (< netstandard2.0)) (&& (== netcoreapp2.1) (>= wp8)) (== netstandard2.0)
    System.ValueTuple (4.5) - restriction: || (&& (== net46) (< net452) (>= net461) (>= netstandard1.6)) (&& (== net46) (< net452) (>= netstandard2.0)) (== netcoreapp2.1) (== netstandard2.0)
    System.Xml.ReaderWriter (4.3.1) - restriction: || (&& (== net46) (< net35)) (== netcoreapp2.1) (== netstandard2.0)
      System.Collections (>= 4.3) - restriction: || (&& (== net46) (< net45)) (&& (== net46) (< portable-net45+win8+wp8+wpa81)) (== netcoreapp2.1) (== netstandard2.0)
      System.Diagnostics.Debug (>= 4.3) - restriction: || (&& (== net46) (< net45)) (&& (== net46) (< portable-net45+win8+wp8+wpa81)) (== netcoreapp2.1) (== netstandard2.0)
      System.Globalization (>= 4.3) - restriction: || (&& (== net46) (< net45)) (&& (== net46) (< portable-net45+win8+wp8+wpa81)) (== netcoreapp2.1) (== netstandard2.0)
      System.IO (>= 4.3) - restriction: || (&& (== net46) (< net45)) (&& (== net46) (< portable-net45+win8+wp8+wpa81)) (== netcoreapp2.1) (== netstandard2.0)
      System.IO.FileSystem (>= 4.3) - restriction: || (&& (== net46) (< net45)) (&& (== net46) (< portable-net45+win8+wp8+wpa81)) (== netcoreapp2.1) (== netstandard2.0)
      System.IO.FileSystem.Primitives (>= 4.3) - restriction: || (&& (== net46) (< net45)) (&& (== net46) (< portable-net45+win8+wp8+wpa81)) (== netcoreapp2.1) (== netstandard2.0)
      System.Resources.ResourceManager (>= 4.3) - restriction: || (&& (== net46) (< net45)) (&& (== net46) (< portable-net45+win8+wp8+wpa81)) (== netcoreapp2.1) (== netstandard2.0)
      System.Runtime (>= 4.3) - restriction: || (&& (== net46) (< net45)) (&& (== net46) (< portable-net45+win8+wp8+wpa81)) (== netcoreapp2.1) (== netstandard2.0)
      System.Runtime.Extensions (>= 4.3) - restriction: || (&& (== net46) (< net45)) (&& (== net46) (< portable-net45+win8+wp8+wpa81)) (== netcoreapp2.1) (== netstandard2.0)
      System.Runtime.InteropServices (>= 4.3) - restriction: || (&& (== net46) (< net45)) (&& (== net46) (< portable-net45+win8+wp8+wpa81)) (== netcoreapp2.1) (== netstandard2.0)
      System.Text.Encoding (>= 4.3) - restriction: || (&& (== net46) (< net45)) (&& (== net46) (< portable-net45+win8+wp8+wpa81)) (== netcoreapp2.1) (== netstandard2.0)
      System.Text.Encoding.Extensions (>= 4.3) - restriction: || (&& (== net46) (< net45)) (&& (== net46) (< portable-net45+win8+wp8+wpa81)) (== netcoreapp2.1) (== netstandard2.0)
      System.Text.RegularExpressions (>= 4.3) - restriction: || (&& (== net46) (< net45)) (&& (== net46) (< portable-net45+win8+wp8+wpa81)) (== netcoreapp2.1) (== netstandard2.0)
      System.Threading.Tasks (>= 4.3) - restriction: || (&& (== net46) (< net45)) (&& (== net46) (< portable-net45+win8+wp8+wpa81)) (== netcoreapp2.1) (== netstandard2.0)
      System.Threading.Tasks.Extensions (>= 4.3) - restriction: || (&& (== net46) (< net45)) (&& (== net46) (< portable-net45+win8+wp8+wpa81)) (== netcoreapp2.1) (== netstandard2.0)
    System.Xml.XDocument (4.3) - restriction: || (&& (== net46) (< net45)) (&& (== net46) (< portable-net45+win8+wp8+wpa81)) (== netcoreapp2.1) (== netstandard2.0)
      System.Collections (>= 4.3) - restriction: || (&& (== net46) (< net45)) (&& (== net46) (< portable-net45+win8+wp8+wpa81)) (== netcoreapp2.1) (== netstandard2.0)
      System.Diagnostics.Debug (>= 4.3) - restriction: || (&& (== net46) (< net45)) (&& (== net46) (< portable-net45+win8+wp8+wpa81)) (== netcoreapp2.1) (== netstandard2.0)
      System.Diagnostics.Tools (>= 4.3) - restriction: || (&& (== net46) (< net45)) (&& (== net46) (< portable-net45+win8+wp8+wpa81)) (== netcoreapp2.1) (== netstandard2.0)
      System.Globalization (>= 4.3) - restriction: || (&& (== net46) (< net45)) (&& (== net46) (< portable-net45+win8+wp8+wpa81)) (== netcoreapp2.1) (== netstandard2.0)
      System.IO (>= 4.3) - restriction: || (&& (== net46) (< net45)) (&& (== net46) (< portable-net45+win8+wp8+wpa81)) (== netcoreapp2.1) (== netstandard2.0)
      System.Reflection (>= 4.3) - restriction: || (&& (== net46) (< net45)) (&& (== net46) (< portable-net45+win8+wp8+wpa81)) (== netcoreapp2.1) (== netstandard2.0)
      System.Resources.ResourceManager (>= 4.3) - restriction: || (&& (== net46) (< net45)) (&& (== net46) (< portable-net45+win8+wp8+wpa81)) (== netcoreapp2.1) (== netstandard2.0)
      System.Runtime (>= 4.3) - restriction: || (&& (== net46) (< net45)) (&& (== net46) (< portable-net45+win8+wp8+wpa81)) (== netcoreapp2.1) (== netstandard2.0)
      System.Runtime.Extensions (>= 4.3) - restriction: || (&& (== net46) (< net45)) (&& (== net46) (< portable-net45+win8+wp8+wpa81)) (== netcoreapp2.1) (== netstandard2.0)
      System.Text.Encoding (>= 4.3) - restriction: || (&& (== net46) (< net45)) (&& (== net46) (< portable-net45+win8+wp8+wpa81)) (== netcoreapp2.1) (== netstandard2.0)
      System.Threading (>= 4.3) - restriction: || (&& (== net46) (< net45)) (&& (== net46) (< portable-net45+win8+wp8+wpa81)) (== netcoreapp2.1) (== netstandard2.0)
      System.Xml.ReaderWriter (>= 4.3) - restriction: || (&& (== net46) (< net45)) (&& (== net46) (< portable-net45+win8+wp8+wpa81)) (== netcoreapp2.1) (== netstandard2.0)
    System.Xml.XmlDocument (4.3) - restriction: || (&& (== net46) (< net35)) (== netcoreapp2.1) (== netstandard2.0)
      System.Collections (>= 4.3) - restriction: || (== netcoreapp2.1) (== netstandard2.0)
      System.Diagnostics.Debug (>= 4.3) - restriction: || (== netcoreapp2.1) (== netstandard2.0)
      System.Globalization (>= 4.3) - restriction: || (== netcoreapp2.1) (== netstandard2.0)
      System.IO (>= 4.3) - restriction: || (== netcoreapp2.1) (== netstandard2.0)
      System.Resources.ResourceManager (>= 4.3) - restriction: || (== netcoreapp2.1) (== netstandard2.0)
      System.Runtime (>= 4.3) - restriction: || (== netcoreapp2.1) (== netstandard2.0)
      System.Runtime.Extensions (>= 4.3) - restriction: || (== netcoreapp2.1) (== netstandard2.0)
      System.Text.Encoding (>= 4.3) - restriction: || (== netcoreapp2.1) (== netstandard2.0)
      System.Threading (>= 4.3) - restriction: || (== netcoreapp2.1) (== netstandard2.0)
      System.Xml.ReaderWriter (>= 4.3) - restriction: || (== netcoreapp2.1) (== netstandard2.0)
    System.Xml.XmlSerializer (4.3) - restriction: || (&& (== net46) (< net45)) (&& (== net46) (< portable-net45+win8+wp8+wpa81)) (== netcoreapp2.1) (== netstandard2.0)
      System.Collections (>= 4.3) - restriction: || (&& (== net46) (< net45)) (&& (== net46) (< portable-net45+win8+wp8+wpa81)) (== netcoreapp2.1) (== netstandard2.0)
      System.Globalization (>= 4.3) - restriction: || (&& (== net46) (< net45)) (&& (== net46) (< portable-net45+win8+wp8+wpa81)) (== netcoreapp2.1) (== netstandard2.0)
      System.IO (>= 4.3) - restriction: || (&& (== net46) (< net45)) (&& (== net46) (< portable-net45+win8+wp8+wpa81)) (== netcoreapp2.1) (== netstandard2.0)
      System.Linq (>= 4.3) - restriction: || (&& (== net46) (< net45)) (&& (== net46) (< portable-net45+win8+wp8+wpa81)) (== netcoreapp2.1) (== netstandard2.0)
      System.Reflection (>= 4.3) - restriction: || (&& (== net46) (< net45)) (&& (== net46) (< portable-net45+win8+wp8+wpa81)) (== netcoreapp2.1) (== netstandard2.0)
      System.Reflection.Emit (>= 4.3) - restriction: || (&& (== net46) (< net45)) (&& (== net46) (< portable-net45+win8+wp8+wpa81)) (== netcoreapp2.1) (== netstandard2.0)
      System.Reflection.Emit.ILGeneration (>= 4.3) - restriction: || (&& (== net46) (< net45)) (&& (== net46) (< portable-net45+win8+wp8+wpa81)) (== netcoreapp2.1) (== netstandard2.0)
      System.Reflection.Extensions (>= 4.3) - restriction: || (&& (== net46) (< net45)) (&& (== net46) (< portable-net45+win8+wp8+wpa81)) (== netcoreapp2.1) (== netstandard2.0)
      System.Reflection.Primitives (>= 4.3) - restriction: || (&& (== net46) (< net45)) (&& (== net46) (< portable-net45+win8+wp8+wpa81)) (== netcoreapp2.1) (== netstandard2.0)
      System.Reflection.TypeExtensions (>= 4.3) - restriction: || (&& (== net46) (< net45)) (&& (== net46) (< portable-net45+win8+wp8+wpa81)) (== netcoreapp2.1) (== netstandard2.0)
      System.Resources.ResourceManager (>= 4.3) - restriction: || (&& (== net46) (< net45)) (&& (== net46) (< portable-net45+win8+wp8+wpa81)) (== netcoreapp2.1) (== netstandard2.0)
      System.Runtime (>= 4.3) - restriction: || (&& (== net46) (< net45)) (&& (== net46) (< portable-net45+win8+wp8+wpa81)) (== netcoreapp2.1) (== netstandard2.0)
      System.Runtime.Extensions (>= 4.3) - restriction: || (&& (== net46) (< net45)) (&& (== net46) (< portable-net45+win8+wp8+wpa81)) (== netcoreapp2.1) (== netstandard2.0)
      System.Text.RegularExpressions (>= 4.3) - restriction: || (&& (== net46) (< net45)) (&& (== net46) (< portable-net45+win8+wp8+wpa81)) (== netcoreapp2.1) (== netstandard2.0)
      System.Threading (>= 4.3) - restriction: || (&& (== net46) (< net45)) (&& (== net46) (< portable-net45+win8+wp8+wpa81)) (== netcoreapp2.1) (== netstandard2.0)
      System.Xml.ReaderWriter (>= 4.3) - restriction: || (&& (== net46) (< net45)) (&& (== net46) (< portable-net45+win8+wp8+wpa81)) (== netcoreapp2.1) (== netstandard2.0)
      System.Xml.XmlDocument (>= 4.3) - restriction: || (&& (== net46) (< net45)) (&& (== net46) (< portable-net45+win8+wp8+wpa81)) (== netcoreapp2.1) (== netstandard2.0)
    Thoth.Json (2.0.0-beta-004)
      Fable.Core (>= 2.0.0-alpha-011) - restriction: || (&& (== net46) (>= netstandard2.0)) (== netcoreapp2.1) (== netstandard2.0)
      FSharp.Core (>= 4.5) - restriction: || (&& (== net46) (>= netstandard2.0)) (== netcoreapp2.1) (== netstandard2.0)

GROUP netcorebuild
GENERATE-LOAD-SCRIPTS: ON
STORAGE: NONE
RESTRICTION: || (== net46) (== netcoreapp2.1) (== netstandard2.0)
NUGET
  remote: https://www.nuget.org/api/v2
    dotnet-fable (2.0.0-beta-001) - clitool: true
    dotnet-fake (5.4) - clitool: true
    Fake.Core.CommandLineParsing (5.4)
      FParsec (>= 1.0.3)
      FSharp.Core (>= 4.3.4)
    Fake.Core.Context (5.4)
      FSharp.Core (>= 4.3.4)
    Fake.Core.Environment (5.4)
      FSharp.Core (>= 4.3.4)
    Fake.Core.FakeVar (5.4)
      Fake.Core.Context (>= 5.4)
      FSharp.Core (>= 4.3.4)
    Fake.Core.Process (5.4)
      Fake.Core.Environment (>= 5.4)
      Fake.Core.FakeVar (>= 5.4)
      Fake.Core.String (>= 5.4)
      Fake.Core.Trace (>= 5.4)
      Fake.IO.FileSystem (>= 5.4)
      FSharp.Core (>= 4.3.4)
      System.Diagnostics.Process (>= 4.3)
    Fake.Core.ReleaseNotes (5.4)
      Fake.Core.SemVer (>= 5.4)
      Fake.Core.String (>= 5.4)
      FSharp.Core (>= 4.3.4)
    Fake.Core.SemVer (5.4)
      FSharp.Core (>= 4.3.4)
      System.Runtime.Numerics (>= 4.3)
    Fake.Core.String (5.4)
      FSharp.Core (>= 4.3.4)
    Fake.Core.Target (5.4)
      Fake.Core.CommandLineParsing (>= 5.4)
      Fake.Core.Context (>= 5.4)
      Fake.Core.Environment (>= 5.4)
      Fake.Core.FakeVar (>= 5.4)
      Fake.Core.Process (>= 5.4)
      Fake.Core.String (>= 5.4)
      Fake.Core.Trace (>= 5.4)
      FSharp.Control.Reactive (>= 4.1)
      FSharp.Core (>= 4.3.4)
      System.Reactive.Compatibility (>= 4.0)
    Fake.Core.Trace (5.4)
      Fake.Core.Environment (>= 5.4)
      Fake.Core.FakeVar (>= 5.4)
      FSharp.Core (>= 4.3.4)
    Fake.DotNet.Cli (5.4)
      Fake.Core.Environment (>= 5.4)
      Fake.Core.Process (>= 5.4)
      Fake.Core.String (>= 5.4)
      Fake.Core.Trace (>= 5.4)
      Fake.IO.FileSystem (>= 5.4)
      FSharp.Core (>= 4.3.4)
      Newtonsoft.Json (>= 11.0.2)
    Fake.DotNet.Paket (5.4)
      Fake.Core.Process (>= 5.4)
      Fake.Core.String (>= 5.4)
      Fake.Core.Trace (>= 5.4)
      Fake.IO.FileSystem (>= 5.4)
      FSharp.Core (>= 4.3.4)
    Fake.IO.FileSystem (5.4)
      Fake.Core.String (>= 5.4)
      FSharp.Core (>= 4.3.4)
      System.Diagnostics.FileVersionInfo (>= 4.3)
      System.IO.FileSystem.Watcher (>= 4.3)
    Fake.JavaScript.Yarn (5.4)
      Fake.Core.Environment (>= 5.4) - restriction: || (&& (== net46) (>= netstandard1.6)) (== netcoreapp2.1) (== netstandard2.0)
      Fake.Core.Process (>= 5.4) - restriction: || (&& (== net46) (>= netstandard1.6)) (== netcoreapp2.1) (== netstandard2.0)
      FSharp.Core (>= 4.3.4) - restriction: || (&& (== net46) (>= netstandard1.6)) (== netcoreapp2.1) (== netstandard2.0)
    Fake.Tools.Git (5.4)
      Fake.Core.Environment (>= 5.4)
      Fake.Core.Process (>= 5.4)
      Fake.Core.SemVer (>= 5.4)
      Fake.Core.String (>= 5.4)
      Fake.Core.Trace (>= 5.4)
      Fake.IO.FileSystem (>= 5.4)
      FSharp.Core (>= 4.3.4)
    FParsec (1.0.3)
      FSharp.Core (>= 4.0.0.1) - restriction: || (== net46) (&& (== netcoreapp2.1) (>= net40)) (&& (== netstandard2.0) (>= net40))
      FSharp.Core (>= 4.2.3) - restriction: || (&& (== net46) (< net40) (>= netstandard1.6)) (== netcoreapp2.1) (== netstandard2.0)
      NETStandard.Library (>= 1.6.1) - restriction: || (&& (== net46) (< net40) (>= netstandard1.6)) (== netcoreapp2.1) (== netstandard2.0)
    FSharp.Control.Reactive (4.1)
      FSharp.Core (>= 4.2.3)
      System.Reactive (>= 4.0)
    FSharp.Core (4.5.2)
    Microsoft.NETCore.Platforms (2.1) - restriction: || (== netcoreapp2.1) (== netstandard2.0)
    Microsoft.NETCore.Targets (2.1) - restriction: || (== netcoreapp2.1) (== netstandard2.0)
    Microsoft.Win32.Primitives (4.3) - restriction: || (== netcoreapp2.1) (== netstandard2.0)
      Microsoft.NETCore.Platforms (>= 1.1) - restriction: || (== netcoreapp2.1) (== netstandard2.0)
      Microsoft.NETCore.Targets (>= 1.1) - restriction: || (== netcoreapp2.1) (== netstandard2.0)
      System.Runtime (>= 4.3) - restriction: || (== netcoreapp2.1) (== netstandard2.0)
    Microsoft.Win32.Registry (4.5) - restriction: || (== netcoreapp2.1) (== netstandard2.0)
      System.Buffers (>= 4.4) - restriction: || (&& (== net46) (>= monoandroid)) (&& (== net46) (>= monotouch)) (&& (== net46) (>= xamarinios)) (&& (== net46) (>= xamarinmac)) (&& (== net46) (>= xamarintvos)) (&& (== net46) (>= xamarinwatchos)) (&& (== netcoreapp2.1) (>= monoandroid)) (&& (== netcoreapp2.1) (>= monotouch)) (&& (== netcoreapp2.1) (>= xamarinios)) (&& (== netcoreapp2.1) (>= xamarinmac)) (&& (== netcoreapp2.1) (>= xamarintvos)) (&& (== netcoreapp2.1) (>= xamarinwatchos)) (== netstandard2.0)
      System.Memory (>= 4.5) - restriction: || (&& (== net46) (>= netcoreapp2.0)) (&& (== net46) (>= uap10.1)) (&& (== netcoreapp2.1) (>= netcoreapp2.0)) (&& (== netcoreapp2.1) (>= uap10.1)) (== netstandard2.0)
      System.Security.AccessControl (>= 4.5) - restriction: || (&& (== net46) (>= monoandroid)) (&& (== net46) (>= monotouch)) (&& (== net46) (>= net461)) (&& (== net46) (>= netcoreapp2.0)) (&& (== net46) (>= netcoreapp2.1)) (&& (== net46) (>= xamarinios)) (&& (== net46) (>= xamarinmac)) (&& (== net46) (>= xamarintvos)) (&& (== net46) (>= xamarinwatchos)) (== netcoreapp2.1) (== netstandard2.0)
      System.Security.Principal.Windows (>= 4.5) - restriction: || (&& (== net46) (>= monoandroid)) (&& (== net46) (>= monotouch)) (&& (== net46) (>= net461)) (&& (== net46) (>= netcoreapp2.0)) (&& (== net46) (>= netcoreapp2.1)) (&& (== net46) (>= xamarinios)) (&& (== net46) (>= xamarinmac)) (&& (== net46) (>= xamarintvos)) (&& (== net46) (>= xamarinwatchos)) (== netcoreapp2.1) (== netstandard2.0)
    NETStandard.Library (2.0.3) - restriction: || (&& (== net46) (< net40) (>= netstandard1.6)) (== netcoreapp2.1) (== netstandard2.0)
      Microsoft.NETCore.Platforms (>= 1.1)
    NETStandard.Library.NETFramework (2.0.0-preview2-25405-01)
    Newtonsoft.Json (11.0.2)
    runtime.native.System (4.3.1) - restriction: || (== netcoreapp2.1) (== netstandard2.0)
      Microsoft.NETCore.Platforms (>= 1.1.1)
      Microsoft.NETCore.Targets (>= 1.1.3)
    System.Buffers (4.5) - restriction: || (&& (== netcoreapp2.1) (>= monoandroid)) (&& (== netcoreapp2.1) (>= monotouch)) (&& (== netcoreapp2.1) (>= xamarinios)) (&& (== netcoreapp2.1) (>= xamarinmac)) (&& (== netcoreapp2.1) (>= xamarintvos)) (&& (== netcoreapp2.1) (>= xamarinwatchos)) (== netstandard2.0)
    System.Collections (4.3) - restriction: || (== netcoreapp2.1) (== netstandard2.0)
      Microsoft.NETCore.Platforms (>= 1.1) - restriction: || (&& (== net46) (< net45)) (&& (== net46) (< portable-net45+win8+wp8+wpa81)) (== netcoreapp2.1) (== netstandard2.0)
      Microsoft.NETCore.Targets (>= 1.1) - restriction: || (&& (== net46) (< net45)) (&& (== net46) (< portable-net45+win8+wp8+wpa81)) (== netcoreapp2.1) (== netstandard2.0)
      System.Runtime (>= 4.3) - restriction: || (&& (== net46) (< net45)) (&& (== net46) (< portable-net45+win8+wp8+wpa81)) (== netcoreapp2.1) (== netstandard2.0)
    System.Collections.Immutable (1.5) - restriction: || (&& (== net46) (== netcoreapp2.1)) (&& (== net46) (< netstandard1.1)) (&& (== net46) (< netstandard1.3)) (&& (== netcoreapp2.1) (>= net45)) (&& (== netcoreapp2.1) (< netstandard1.1)) (&& (== netcoreapp2.1) (< netstandard2.0)) (== netstandard2.0)
    System.Diagnostics.Debug (4.3) - restriction: || (== netcoreapp2.1) (== netstandard2.0)
      Microsoft.NETCore.Platforms (>= 1.1) - restriction: || (&& (== net46) (< net45)) (&& (== net46) (< portable-net45+win8+wp8+wpa81)) (== netcoreapp2.1) (== netstandard2.0)
      Microsoft.NETCore.Targets (>= 1.1) - restriction: || (&& (== net46) (< net45)) (&& (== net46) (< portable-net45+win8+wp8+wpa81)) (== netcoreapp2.1) (== netstandard2.0)
      System.Runtime (>= 4.3) - restriction: || (&& (== net46) (< net45)) (&& (== net46) (< portable-net45+win8+wp8+wpa81)) (== netcoreapp2.1) (== netstandard2.0)
    System.Diagnostics.FileVersionInfo (4.3)
      Microsoft.NETCore.Platforms (>= 1.1) - restriction: || (&& (== net46) (< netstandard1.3)) (== netcoreapp2.1) (== netstandard2.0)
      System.Globalization (>= 4.3) - restriction: || (== netcoreapp2.1) (== netstandard2.0)
      System.IO (>= 4.3) - restriction: || (&& (== net46) (< netstandard1.3)) (== netcoreapp2.1) (== netstandard2.0)
      System.IO.FileSystem (>= 4.3) - restriction: || (&& (== net46) (< netstandard1.3)) (== netcoreapp2.1) (== netstandard2.0)
      System.IO.FileSystem.Primitives (>= 4.3) - restriction: || (&& (== net46) (< netstandard1.3)) (== netcoreapp2.1) (== netstandard2.0)
      System.Reflection.Metadata (>= 1.4.1) - restriction: || (&& (== net46) (< netstandard1.3)) (== netcoreapp2.1) (== netstandard2.0)
      System.Runtime (>= 4.3) - restriction: || (&& (== net46) (< netstandard1.3)) (== netcoreapp2.1) (== netstandard2.0)
      System.Runtime.Extensions (>= 4.3) - restriction: || (&& (== net46) (< netstandard1.3)) (== netcoreapp2.1) (== netstandard2.0)
      System.Runtime.InteropServices (>= 4.3) - restriction: || (== netcoreapp2.1) (== netstandard2.0)
    System.Diagnostics.Process (4.3)
      Microsoft.NETCore.Platforms (>= 1.1) - restriction: || (== netcoreapp2.1) (== netstandard2.0)
      Microsoft.Win32.Primitives (>= 4.3) - restriction: || (== netcoreapp2.1) (== netstandard2.0)
      Microsoft.Win32.Registry (>= 4.3) - restriction: || (== netcoreapp2.1) (== netstandard2.0)
      runtime.native.System (>= 4.3) - restriction: || (== netcoreapp2.1) (== netstandard2.0)
      System.Collections (>= 4.3) - restriction: || (== netcoreapp2.1) (== netstandard2.0)
      System.Diagnostics.Debug (>= 4.3) - restriction: || (== netcoreapp2.1) (== netstandard2.0)
      System.Globalization (>= 4.3) - restriction: || (== netcoreapp2.1) (== netstandard2.0)
      System.IO (>= 4.3) - restriction: || (== netcoreapp2.1) (== netstandard2.0)
      System.IO.FileSystem (>= 4.3) - restriction: || (== netcoreapp2.1) (== netstandard2.0)
      System.IO.FileSystem.Primitives (>= 4.3) - restriction: || (== netcoreapp2.1) (== netstandard2.0)
      System.Resources.ResourceManager (>= 4.3) - restriction: || (== netcoreapp2.1) (== netstandard2.0)
      System.Runtime (>= 4.3) - restriction: || (== netcoreapp2.1) (== netstandard2.0)
      System.Runtime.Extensions (>= 4.3) - restriction: || (== netcoreapp2.1) (== netstandard2.0)
      System.Runtime.Handles (>= 4.3) - restriction: || (== netcoreapp2.1) (== netstandard2.0)
      System.Runtime.InteropServices (>= 4.3) - restriction: || (== netcoreapp2.1) (== netstandard2.0)
      System.Text.Encoding (>= 4.3) - restriction: || (== netcoreapp2.1) (== netstandard2.0)
      System.Text.Encoding.Extensions (>= 4.3) - restriction: || (== netcoreapp2.1) (== netstandard2.0)
      System.Threading (>= 4.3) - restriction: || (== netcoreapp2.1) (== netstandard2.0)
      System.Threading.Tasks (>= 4.3) - restriction: || (== netcoreapp2.1) (== netstandard2.0)
      System.Threading.Thread (>= 4.3) - restriction: || (== netcoreapp2.1) (== netstandard2.0)
      System.Threading.ThreadPool (>= 4.3) - restriction: || (== netcoreapp2.1) (== netstandard2.0)
    System.Globalization (4.3) - restriction: || (== netcoreapp2.1) (== netstandard2.0)
      Microsoft.NETCore.Platforms (>= 1.1) - restriction: || (&& (== net46) (< net45)) (&& (== net46) (< portable-net45+win8+wp8+wpa81)) (== netcoreapp2.1) (== netstandard2.0)
      Microsoft.NETCore.Targets (>= 1.1) - restriction: || (&& (== net46) (< net45)) (&& (== net46) (< portable-net45+win8+wp8+wpa81)) (== netcoreapp2.1) (== netstandard2.0)
      System.Runtime (>= 4.3) - restriction: || (&& (== net46) (< net45)) (&& (== net46) (< portable-net45+win8+wp8+wpa81)) (== netcoreapp2.1) (== netstandard2.0)
    System.IO (4.3) - restriction: || (== netcoreapp2.1) (== netstandard2.0)
      Microsoft.NETCore.Platforms (>= 1.1) - restriction: || (&& (== net46) (< net45)) (&& (== net46) (< portable-net45+win8+wp8+wpa81)) (== netcoreapp2.1) (== netstandard2.0)
      Microsoft.NETCore.Targets (>= 1.1) - restriction: || (&& (== net46) (< net45)) (&& (== net46) (< portable-net45+win8+wp8+wpa81)) (== netcoreapp2.1) (== netstandard2.0)
      System.Runtime (>= 4.3) - restriction: || (&& (== net46) (< net45)) (&& (== net46) (< portable-net45+win8+wp8+wpa81)) (== netcoreapp2.1) (== netstandard2.0)
      System.Text.Encoding (>= 4.3) - restriction: || (&& (== net46) (< net45)) (&& (== net46) (< portable-net45+win8+wp8+wpa81)) (== netcoreapp2.1) (== netstandard2.0)
      System.Threading.Tasks (>= 4.3) - restriction: || (&& (== net46) (< net45)) (&& (== net46) (< portable-net45+win8+wp8+wpa81)) (== netcoreapp2.1) (== netstandard2.0)
    System.IO.FileSystem (4.3) - restriction: || (== netcoreapp2.1) (== netstandard2.0)
      Microsoft.NETCore.Platforms (>= 1.1) - restriction: || (== netcoreapp2.1) (== netstandard2.0)
      Microsoft.NETCore.Targets (>= 1.1) - restriction: || (== netcoreapp2.1) (== netstandard2.0)
      System.IO (>= 4.3) - restriction: || (== netcoreapp2.1) (== netstandard2.0)
      System.IO.FileSystem.Primitives (>= 4.3)
      System.Runtime (>= 4.3) - restriction: || (== netcoreapp2.1) (== netstandard2.0)
      System.Runtime.Handles (>= 4.3) - restriction: || (== netcoreapp2.1) (== netstandard2.0)
      System.Text.Encoding (>= 4.3) - restriction: || (== netcoreapp2.1) (== netstandard2.0)
      System.Threading.Tasks (>= 4.3) - restriction: || (== netcoreapp2.1) (== netstandard2.0)
    System.IO.FileSystem.Primitives (4.3) - restriction: || (== netcoreapp2.1) (== netstandard2.0)
      System.Runtime (>= 4.3) - restriction: || (== netcoreapp2.1) (== netstandard2.0)
    System.IO.FileSystem.Watcher (4.3)
      Microsoft.NETCore.Platforms (>= 1.1) - restriction: || (== netcoreapp2.1) (== netstandard2.0)
      Microsoft.Win32.Primitives (>= 4.3) - restriction: || (== netcoreapp2.1) (== netstandard2.0)
      runtime.native.System (>= 4.3) - restriction: || (== netcoreapp2.1) (== netstandard2.0)
      System.Collections (>= 4.3) - restriction: || (== netcoreapp2.1) (== netstandard2.0)
      System.IO.FileSystem (>= 4.3) - restriction: || (== netcoreapp2.1) (== netstandard2.0)
      System.IO.FileSystem.Primitives (>= 4.3) - restriction: || (== netcoreapp2.1) (== netstandard2.0)
      System.Resources.ResourceManager (>= 4.3) - restriction: || (== netcoreapp2.1) (== netstandard2.0)
      System.Runtime (>= 4.3) - restriction: || (== netcoreapp2.1) (== netstandard2.0)
      System.Runtime.Extensions (>= 4.3) - restriction: || (== netcoreapp2.1) (== netstandard2.0)
      System.Runtime.Handles (>= 4.3) - restriction: || (== netcoreapp2.1) (== netstandard2.0)
      System.Runtime.InteropServices (>= 4.3) - restriction: || (== netcoreapp2.1) (== netstandard2.0)
      System.Text.Encoding (>= 4.3) - restriction: || (== netcoreapp2.1) (== netstandard2.0)
      System.Threading (>= 4.3) - restriction: || (== netcoreapp2.1) (== netstandard2.0)
      System.Threading.Overlapped (>= 4.3) - restriction: || (== netcoreapp2.1) (== netstandard2.0)
      System.Threading.Tasks (>= 4.3) - restriction: || (== netcoreapp2.1) (== netstandard2.0)
      System.Threading.Thread (>= 4.3) - restriction: || (== netcoreapp2.1) (== netstandard2.0)
    System.Memory (4.5.1) - restriction: || (&& (== netcoreapp2.1) (>= netcoreapp2.0)) (&& (== netcoreapp2.1) (>= uap10.1)) (== netstandard2.0)
      System.Buffers (>= 4.4) - restriction: || (== net46) (&& (== netcoreapp2.1) (>= monoandroid)) (&& (== netcoreapp2.1) (>= monotouch)) (&& (== netcoreapp2.1) (>= net461)) (&& (== netcoreapp2.1) (< netstandard1.1)) (&& (== netcoreapp2.1) (< netstandard2.0)) (&& (== netcoreapp2.1) (>= xamarinios)) (&& (== netcoreapp2.1) (>= xamarinmac)) (&& (== netcoreapp2.1) (>= xamarintvos)) (&& (== netcoreapp2.1) (>= xamarinwatchos)) (== netstandard2.0)
      System.Numerics.Vectors (>= 4.4) - restriction: || (&& (== net46) (< net45) (>= netstandard2.0)) (&& (== net46) (>= net461)) (&& (== netcoreapp2.1) (>= net461)) (== netstandard2.0)
      System.Runtime.CompilerServices.Unsafe (>= 4.5) - restriction: || (== net46) (&& (== netcoreapp2.1) (>= monoandroid)) (&& (== netcoreapp2.1) (>= monotouch)) (&& (== netcoreapp2.1) (>= net461)) (&& (== netcoreapp2.1) (>= netcoreapp2.0)) (&& (== netcoreapp2.1) (< netstandard1.1)) (&& (== netcoreapp2.1) (< netstandard2.0)) (&& (== netcoreapp2.1) (>= uap10.1)) (&& (== netcoreapp2.1) (>= xamarinios)) (&& (== netcoreapp2.1) (>= xamarinmac)) (&& (== netcoreapp2.1) (>= xamarintvos)) (&& (== netcoreapp2.1) (>= xamarinwatchos)) (== netstandard2.0)
    System.Numerics.Vectors (4.5) - restriction: || (&& (== netcoreapp2.1) (>= netcoreapp2.0)) (&& (== netcoreapp2.1) (>= uap10.1)) (== netstandard2.0)
    System.Reactive (4.0)
      System.Runtime.InteropServices.WindowsRuntime (>= 4.3) - restriction: || (== netcoreapp2.1) (== netstandard2.0)
    System.Reactive.Compatibility (4.0)
      System.Reactive.Core (>= 4.0)
      System.Reactive.Experimental (>= 4.0) - restriction: || (== net46) (&& (== netcoreapp2.1) (>= net45)) (&& (== netstandard2.0) (>= net45))
      System.Reactive.Interfaces (>= 4.0)
      System.Reactive.Linq (>= 4.0)
      System.Reactive.PlatformServices (>= 4.0)
      System.Reactive.Providers (>= 4.0)
      System.Reactive.Runtime.Remoting (>= 4.0) - restriction: || (== net46) (&& (== netcoreapp2.1) (>= net45)) (&& (== netstandard2.0) (>= net45))
      System.Reactive.Windows.Forms (>= 4.0) - restriction: || (== net46) (&& (== netcoreapp2.1) (>= net45)) (&& (== netstandard2.0) (>= net45))
      System.Reactive.Windows.Threading (>= 4.0) - restriction: || (== net46) (&& (== netcoreapp2.1) (>= net45)) (&& (== netcoreapp2.1) (>= uap10.0)) (&& (== netstandard2.0) (>= net45)) (&& (== netstandard2.0) (>= uap10.0))
    System.Reactive.Core (4.0)
      System.Reactive (>= 4.0)
    System.Reactive.Experimental (4.0) - restriction: || (== net46) (&& (== netcoreapp2.1) (>= net45)) (&& (== netstandard2.0) (>= net45))
      System.Reactive (>= 4.0) - restriction: || (== net46) (&& (== netcoreapp2.1) (>= net46)) (&& (== netstandard2.0) (>= net46))
    System.Reactive.Interfaces (4.0)
      System.Reactive (>= 4.0)
    System.Reactive.Linq (4.0)
      System.Reactive (>= 4.0)
    System.Reactive.PlatformServices (4.0)
      System.Reactive (>= 4.0)
    System.Reactive.Providers (4.0)
      System.Reactive (>= 4.0)
    System.Reactive.Runtime.Remoting (4.0) - restriction: || (== net46) (&& (== netcoreapp2.1) (>= net45)) (&& (== netstandard2.0) (>= net45))
      System.Reactive (>= 4.0) - restriction: || (== net46) (&& (== netcoreapp2.1) (>= net46)) (&& (== netstandard2.0) (>= net46))
    System.Reactive.Windows.Forms (4.0) - restriction: || (== net46) (&& (== netcoreapp2.1) (>= net45)) (&& (== netstandard2.0) (>= net45))
      System.Reactive (>= 4.0) - restriction: || (== net46) (&& (== netcoreapp2.1) (>= net46)) (&& (== netstandard2.0) (>= net46))
    System.Reactive.Windows.Threading (4.0) - restriction: || (== net46) (&& (== netcoreapp2.1) (>= net45)) (&& (== netcoreapp2.1) (>= uap10.0)) (&& (== netstandard2.0) (>= net45)) (&& (== netstandard2.0) (>= uap10.0))
      System.Reactive (>= 4.0) - restriction: || (== net46) (&& (== netcoreapp2.1) (>= net46)) (&& (== netcoreapp2.1) (>= uap10.0)) (&& (== netstandard2.0) (>= net46)) (&& (== netstandard2.0) (>= uap10.0))
    System.Reflection (4.3) - restriction: || (== netcoreapp2.1) (== netstandard2.0)
      Microsoft.NETCore.Platforms (>= 1.1) - restriction: || (&& (== net46) (< net45)) (&& (== net46) (< portable-net45+win8+wp8+wpa81)) (== netcoreapp2.1) (== netstandard2.0)
      Microsoft.NETCore.Targets (>= 1.1) - restriction: || (&& (== net46) (< net45)) (&& (== net46) (< portable-net45+win8+wp8+wpa81)) (== netcoreapp2.1) (== netstandard2.0)
      System.IO (>= 4.3) - restriction: || (&& (== net46) (< net45)) (&& (== net46) (< portable-net45+win8+wp8+wpa81)) (== netcoreapp2.1) (== netstandard2.0)
      System.Reflection.Primitives (>= 4.3) - restriction: || (&& (== net46) (< net45)) (&& (== net46) (< portable-net45+win8+wp8+wpa81)) (== netcoreapp2.1) (== netstandard2.0)
      System.Runtime (>= 4.3) - restriction: || (&& (== net46) (< net45)) (&& (== net46) (< portable-net45+win8+wp8+wpa81)) (== netcoreapp2.1) (== netstandard2.0)
    System.Reflection.Metadata (1.6) - restriction: || (&& (== net46) (< netstandard1.3)) (== netcoreapp2.1) (== netstandard2.0)
      System.Collections.Immutable (>= 1.5) - restriction: || (== net46) (&& (== netcoreapp2.1) (>= net45)) (&& (== netcoreapp2.1) (< netstandard1.1)) (&& (== netcoreapp2.1) (< netstandard2.0)) (== netstandard2.0)
    System.Reflection.Primitives (4.3) - restriction: || (== netcoreapp2.1) (== netstandard2.0)
      Microsoft.NETCore.Platforms (>= 1.1) - restriction: || (&& (== net46) (< net45)) (&& (== net46) (< portable-net45+win8+wp8+wpa81)) (== netcoreapp2.1) (== netstandard2.0)
      Microsoft.NETCore.Targets (>= 1.1) - restriction: || (&& (== net46) (< net45)) (&& (== net46) (< portable-net45+win8+wp8+wpa81)) (== netcoreapp2.1) (== netstandard2.0)
      System.Runtime (>= 4.3) - restriction: || (&& (== net46) (< net45)) (&& (== net46) (< portable-net45+win8+wp8+wpa81)) (== netcoreapp2.1) (== netstandard2.0)
    System.Resources.ResourceManager (4.3) - restriction: || (== netcoreapp2.1) (== netstandard2.0)
      Microsoft.NETCore.Platforms (>= 1.1) - restriction: || (&& (== net46) (< net45)) (&& (== net46) (< portable-net45+win8+wp8+wpa81)) (== netcoreapp2.1) (== netstandard2.0)
      Microsoft.NETCore.Targets (>= 1.1) - restriction: || (&& (== net46) (< net45)) (&& (== net46) (< portable-net45+win8+wp8+wpa81)) (== netcoreapp2.1) (== netstandard2.0)
      System.Globalization (>= 4.3) - restriction: || (&& (== net46) (< net45)) (&& (== net46) (< portable-net45+win8+wp8+wpa81)) (== netcoreapp2.1) (== netstandard2.0)
      System.Reflection (>= 4.3) - restriction: || (&& (== net46) (< net45)) (&& (== net46) (< portable-net45+win8+wp8+wpa81)) (== netcoreapp2.1) (== netstandard2.0)
      System.Runtime (>= 4.3) - restriction: || (&& (== net46) (< net45)) (&& (== net46) (< portable-net45+win8+wp8+wpa81)) (== netcoreapp2.1) (== netstandard2.0)
    System.Runtime (4.3) - restriction: || (== netcoreapp2.1) (== netstandard2.0)
      Microsoft.NETCore.Platforms (>= 1.1) - restriction: || (&& (== net46) (< net45)) (&& (== net46) (< portable-net45+win8+wp8+wpa81)) (== netcoreapp2.1) (== netstandard2.0)
      Microsoft.NETCore.Targets (>= 1.1) - restriction: || (&& (== net46) (< net45)) (&& (== net46) (< portable-net45+win8+wp8+wpa81)) (== netcoreapp2.1) (== netstandard2.0)
    System.Runtime.CompilerServices.Unsafe (4.5.1) - restriction: || (&& (== netcoreapp2.1) (>= netcoreapp2.0)) (&& (== netcoreapp2.1) (>= uap10.1)) (== netstandard2.0)
    System.Runtime.Extensions (4.3) - restriction: || (== netcoreapp2.1) (== netstandard2.0)
      Microsoft.NETCore.Platforms (>= 1.1) - restriction: || (&& (== net46) (< net45)) (&& (== net46) (< portable-net45+win8+wp8+wpa81)) (== netcoreapp2.1) (== netstandard2.0)
      Microsoft.NETCore.Targets (>= 1.1) - restriction: || (&& (== net46) (< net45)) (&& (== net46) (< portable-net45+win8+wp8+wpa81)) (== netcoreapp2.1) (== netstandard2.0)
      System.Runtime (>= 4.3) - restriction: || (&& (== net46) (< net45)) (&& (== net46) (< portable-net45+win8+wp8+wpa81)) (== netcoreapp2.1) (== netstandard2.0)
    System.Runtime.Handles (4.3) - restriction: || (== netcoreapp2.1) (== netstandard2.0)
      Microsoft.NETCore.Platforms (>= 1.1) - restriction: || (== netcoreapp2.1) (== netstandard2.0)
      Microsoft.NETCore.Targets (>= 1.1) - restriction: || (== netcoreapp2.1) (== netstandard2.0)
      System.Runtime (>= 4.3) - restriction: || (== netcoreapp2.1) (== netstandard2.0)
    System.Runtime.InteropServices (4.3) - restriction: || (== netcoreapp2.1) (== netstandard2.0)
      Microsoft.NETCore.Platforms (>= 1.1) - restriction: || (&& (== net46) (< net45)) (&& (== net46) (>= netcoreapp1.1)) (&& (== net46) (< portable-net45+win8+wpa81)) (== netcoreapp2.1) (== netstandard2.0)
      Microsoft.NETCore.Targets (>= 1.1) - restriction: || (&& (== net46) (< net45)) (&& (== net46) (>= netcoreapp1.1)) (&& (== net46) (< portable-net45+win8+wpa81)) (== netcoreapp2.1) (== netstandard2.0)
      System.Reflection (>= 4.3) - restriction: || (&& (== net46) (< net45)) (&& (== net46) (>= netcoreapp1.1)) (&& (== net46) (< portable-net45+win8+wpa81)) (== netcoreapp2.1) (== netstandard2.0)
      System.Reflection.Primitives (>= 4.3) - restriction: || (&& (== net46) (< net45)) (&& (== net46) (>= netcoreapp1.1)) (&& (== net46) (< portable-net45+win8+wpa81)) (== netcoreapp2.1) (== netstandard2.0)
      System.Runtime (>= 4.3) - restriction: || (&& (== net46) (< net45)) (&& (== net46) (>= net462)) (&& (== net46) (>= netcoreapp1.1)) (&& (== net46) (< portable-net45+win8+wpa81)) (== netcoreapp2.1) (== netstandard2.0)
      System.Runtime.Handles (>= 4.3) - restriction: || (&& (== net46) (< net45)) (&& (== net46) (>= netcoreapp1.1)) (&& (== net46) (< portable-net45+win8+wpa81)) (== netcoreapp2.1) (== netstandard2.0)
    System.Runtime.InteropServices.WindowsRuntime (4.3) - restriction: || (== netcoreapp2.1) (== netstandard2.0)
      System.Runtime (>= 4.3) - restriction: || (&& (== net46) (< net45)) (&& (== net46) (< portable-net45+win8+wp8+wpa81)) (== netcoreapp2.1) (== netstandard2.0)
    System.Runtime.Numerics (4.3)
      System.Globalization (>= 4.3) - restriction: || (&& (== net46) (< net45)) (&& (== net46) (< portable-net45+win8+wpa81)) (== netcoreapp2.1) (== netstandard2.0)
      System.Resources.ResourceManager (>= 4.3) - restriction: || (&& (== net46) (< net45)) (&& (== net46) (< portable-net45+win8+wpa81)) (== netcoreapp2.1) (== netstandard2.0)
      System.Runtime (>= 4.3) - restriction: || (&& (== net46) (< net45)) (&& (== net46) (< portable-net45+win8+wpa81)) (== netcoreapp2.1) (== netstandard2.0)
      System.Runtime.Extensions (>= 4.3) - restriction: || (&& (== net46) (< net45)) (&& (== net46) (< portable-net45+win8+wpa81)) (== netcoreapp2.1) (== netstandard2.0)
    System.Security.AccessControl (4.5) - restriction: || (== netcoreapp2.1) (== netstandard2.0)
      System.Security.Principal.Windows (>= 4.5) - restriction: || (&& (== net46) (>= net461)) (&& (== net46) (>= netcoreapp2.0)) (== netcoreapp2.1) (== netstandard2.0)
    System.Security.Principal.Windows (4.5) - restriction: || (== netcoreapp2.1) (== netstandard2.0)
    System.Text.Encoding (4.3) - restriction: || (== netcoreapp2.1) (== netstandard2.0)
      Microsoft.NETCore.Platforms (>= 1.1) - restriction: || (&& (== net46) (< net45)) (&& (== net46) (< portable-net45+win8+wp8+wpa81)) (== netcoreapp2.1) (== netstandard2.0)
      Microsoft.NETCore.Targets (>= 1.1) - restriction: || (&& (== net46) (< net45)) (&& (== net46) (< portable-net45+win8+wp8+wpa81)) (== netcoreapp2.1) (== netstandard2.0)
      System.Runtime (>= 4.3) - restriction: || (&& (== net46) (< net45)) (&& (== net46) (< portable-net45+win8+wp8+wpa81)) (== netcoreapp2.1) (== netstandard2.0)
    System.Text.Encoding.Extensions (4.3) - restriction: || (== netcoreapp2.1) (== netstandard2.0)
      Microsoft.NETCore.Platforms (>= 1.1) - restriction: || (&& (== net46) (< net45)) (&& (== net46) (< portable-net45+win8+wp8+wpa81)) (== netcoreapp2.1) (== netstandard2.0)
      Microsoft.NETCore.Targets (>= 1.1) - restriction: || (&& (== net46) (< net45)) (&& (== net46) (< portable-net45+win8+wp8+wpa81)) (== netcoreapp2.1) (== netstandard2.0)
      System.Runtime (>= 4.3) - restriction: || (&& (== net46) (< net45)) (&& (== net46) (< portable-net45+win8+wp8+wpa81)) (== netcoreapp2.1) (== netstandard2.0)
      System.Text.Encoding (>= 4.3) - restriction: || (&& (== net46) (< net45)) (&& (== net46) (< portable-net45+win8+wp8+wpa81)) (== netcoreapp2.1) (== netstandard2.0)
    System.Threading (4.3) - restriction: || (== netcoreapp2.1) (== netstandard2.0)
      System.Runtime (>= 4.3) - restriction: || (&& (== net46) (< net45)) (&& (== net46) (< portable-net45+win8+wp8+wpa81)) (== netcoreapp2.1) (== netstandard2.0)
      System.Threading.Tasks (>= 4.3) - restriction: || (&& (== net46) (< net45)) (&& (== net46) (< portable-net45+win8+wp8+wpa81)) (== netcoreapp2.1) (== netstandard2.0)
    System.Threading.Overlapped (4.3) - restriction: || (== netcoreapp2.1) (== netstandard2.0)
      Microsoft.NETCore.Platforms (>= 1.1) - restriction: || (&& (== net46) (< netstandard1.3)) (== netcoreapp2.1) (== netstandard2.0)
      System.Resources.ResourceManager (>= 4.3) - restriction: || (&& (== net46) (< netstandard1.3)) (== netcoreapp2.1) (== netstandard2.0)
      System.Runtime (>= 4.3) - restriction: || (&& (== net46) (< netstandard1.3)) (== netcoreapp2.1) (== netstandard2.0)
      System.Runtime.Handles (>= 4.3) - restriction: || (&& (== net46) (< netstandard1.3)) (== netcoreapp2.1) (== netstandard2.0)
    System.Threading.Tasks (4.3) - restriction: || (== netcoreapp2.1) (== netstandard2.0)
      Microsoft.NETCore.Platforms (>= 1.1) - restriction: || (&& (== net46) (< net45)) (&& (== net46) (< portable-net45+win8+wp8+wpa81)) (== netcoreapp2.1) (== netstandard2.0)
      Microsoft.NETCore.Targets (>= 1.1) - restriction: || (&& (== net46) (< net45)) (&& (== net46) (< portable-net45+win8+wp8+wpa81)) (== netcoreapp2.1) (== netstandard2.0)
      System.Runtime (>= 4.3) - restriction: || (&& (== net46) (< net45)) (&& (== net46) (< portable-net45+win8+wp8+wpa81)) (== netcoreapp2.1) (== netstandard2.0)
    System.Threading.Thread (4.3) - restriction: || (== netcoreapp2.1) (== netstandard2.0)
      System.Runtime (>= 4.3) - restriction: || (== netcoreapp2.1) (== netstandard2.0)
    System.Threading.ThreadPool (4.3) - restriction: || (== netcoreapp2.1) (== netstandard2.0)
      System.Runtime (>= 4.3) - restriction: || (== netcoreapp2.1) (== netstandard2.0)
      System.Runtime.Handles (>= 4.3) - restriction: || (== netcoreapp2.1) (== netstandard2.0)
